{
	"Modality": "MR",
	"MagneticFieldStrength": 6.98,
	"ImagingFrequency": 297.205,
	"Manufacturer": "Siemens",
	"ManufacturersModelName": "MAGENTIOM_7T",
	"InstitutionName": "Scannexus",
	"InstitutionalDepartmentName": "MRI_7T",
	"InstitutionAddress": "Oxfordlaan_55_Maastricht_Limburg_NL_6229_EV",
	"DeviceSerialNumber": "18930",
	"StationName": "MRC18930",
	"PatientPosition": "HFS",
	"ProcedureStepDescription": "RenzoHuber_Ann_trt",
	"SoftwareVersions": "syngo_MR_B17",
	"MRAcquisitionType": "3D",
	"SeriesDescription": "VASO_151_0.8mm_120sl_noPO_E00_M",
	"ProtocolName": "VASO_151_0.8mm_120sl_noPO",
	"ScanningSequence": "EP",
	"SequenceVariant": "SK_SP_OSP",
	"ScanOptions": "PFP_SAT1_FS",
	"SequenceName": "MAGEC_VASO",
	"ImageType": ["ORIGINAL", "PRIMARY", "M", "ND", "ECHO", "00", "COMBINED", "MOSAIC"],
	"AcquisitionTime": "17:40:43.400000",
	"AcquisitionNumber": 1,
	"ImageComments": "E00_Com",
	"SliceThickness": 0.80,
	"SpacingBetweenSlices": 0.80,
	"SAR": 0.112334,
	"EchoTime": 0.024,
	"RepetitionTime": 8.9640,
	"FlipAngle": 4,
	"PartialFourier": 0.75,
	"BaseResolution": 162,
	"ShimSetting": [
		148,
		-116,
		355,
		693,
		219,
		53,
		141,
		242	],
	"TxRefAmp": 225,
	"PhaseResolution": 1,
	"ReceiveCoilName": "32Ch_Head_7T",
	"CoilString": "C:A32",
	"PulseSequenceDetails": "%CustomerSeq%_VASO_151",
	"RefLinesPE": 45,
	"PercentPhaseFOV": 133.333,
	"PhaseEncodingSteps": 163,
	"AcquisitionMatrixPE": 216,
	"ReconMatrixPE": 216,
	"BandwidthPerPixelPhaseEncode": 14.172,
	"ParallelReductionFactorInPlane": 3,
	"EffectiveEchoSpacing": 0.000326674,
	"DerivedVendorReportedEchoSpacing": 0.000980023,
	"TotalReadoutTime": 0.070235,
	"PixelBandwidth": 1143,
	"DwellTime": 2.7e-06,
	"ImageOrientationPatientDICOM": [
		1,
		2e-16,
		0,
		-2e-16,
		0.994881,
		0.101056	],
	"InPlanePhaseEncodingDirectionDICOM": "COL",
	"ConversionSoftware": "dcm2niix",
	"ConversionSoftwareVersion": "v1.0.20190902",
	"TaskName": "movie"
}
