{
  "AcquisitionMatrixPE": 240,
  "AcquisitionNumber": 1,
  "AcquisitionTime": "19:29:18.792500",
  "BandwidthPerPixelPhaseEncode": 15.432,
  "BaseResolution": 240,
  "CoilString": "C:A32",
  "ConversionSoftware": "dcm2niix",
  "ConversionSoftwareVersion": "v1.0.20190410  GCC6.3.0",
  "DerivedVendorReportedEchoSpacing": 0.00216001,
  "DeviceSerialNumber": "18930",
  "DwellTime": 2e-06,
  "EffectiveEchoSpacing": 0.000270002,
  "FlipAngle": 40,
  "ImageComments": "C1x8-2_Ref60x24s_CombinedEchoes_BOLD-weighted",
  "ImageOrientationPatientDICOM": [1, 0, 0, 0, 0.998537, 0.0540788],
  "ImageType": [
    "ORIGINAL",
    "PRIMARY",
    "M",
    "ND",
    "ECHO",
 "00",
    "COMBINED",
    "COMBINED",
    "ECHOES",
    "MOSAIC"
],
  "ImagingFrequency": 297.205,
  "InPlanePhaseEncodingDirectionDICOM": "COL",
  "InstitutionAddress": "Oxfordlaan_55_Maastricht_Limburg_NL_6229_EV",
  "InstitutionName": "Scannexus",
  "InstitutionalDepartmentName": "MRI_7T",
  "MRAcquisitionType": "3D",
  "MagneticFieldStrength": 6.98,
  "Manufacturer": "Siemens",
  "ManufacturersModelName": "Investigational_Device_7T",
  "Modality": "MR",
  "MultibandAccelerationFactor": 128,
  "PartialFourier": 0.75,
  "PatientPosition": "HFS",
  "PercentPhaseFOV": 100,
  "PhaseEncodingSteps": 181,
  "PhaseResolution": 1,
  "PixelBandwidth": 1042,
  "ProcedureStepDescription": "RenzoHuber_KENSHU",
  "ProtocolName": "VASO160_G42_nofat_8TRtaskt",
  "PulseSequenceDetails": "%CustomerSeq%_VASO_160",
  "ReceiveCoilName": "32Ch_Head_7T",
  "ReconMatrixPE": 240,
  "RefLinesPE": 60,
  "RepetitionTime": 4.1209,
  "SAR": 0.0553652,
  "ScanOptions": "PFP_SAT1",
  "ScanningSequence": "EP",
  "SequenceName": "BPs_3D-EPI_with",
  "SequenceVariant": "SK_SP",
  "SeriesDescription": "CombinedEchoes_BOLD-weighted",
  "SeriesNumber": 34,
  "ShimSetting": [200, -189, 407, 743, -65, 580, 545, 141],
  "SliceThickness": 0.87,
  "SoftwareVersions": "syngo_MR_B17",
  "SpacingBetweenSlices": 0.87,
  "StationName": "MRC18930",
  "TaskName": "tapping",
  "TotalReadoutTime": 0.0645304,
  "TxRefAmp": 225,
  "dcmmeta_affine": [
    [-0.800000011920929, 0.0, 0.0, 93.59036254882812],
    [0.0, 0.7988293766975403, 0.047048572450876236, -69.37761688232422],
    [0.0, -0.04326305538415909, 0.868726909160614, -47.57121658325195],
    [0.0, 0.0, 0.0, 1.0]
],
  "dcmmeta_reorient_transform": [
    [0.0, -1.0, 0.0, 239.0],
    [1.0, 0.0, 0.0, 0.0],
    [0.0, 0.0, 1.0, 0.0],
    [0.0, 0.0, 0.0, 1.0]
],
  "dcmmeta_shape": [240, 240, 128, 240],
  "dcmmeta_slice_dim": 2,
  "dcmmeta_version": 0.6,
  "global": {
    "const": {
      "AcquisitionMatrix": [240, 0, 0, 240],
      "AngioFlag": "N",
      "BitsAllocated": 16,
      "BitsStored": 12,
      "Columns": 2880,
      "EchoNumbers": 1,
      "EchoTime": 0.0,
      "EchoTrainLength": 1,
      "FlipAngle": 40.0,
      "HighBit": 11,
      "ImageOrientationPatient": [1.0, 0.0, 0.0, 0.0, 0.99853667011958, 0.05407881680015],
      "ImagePositionPatient": [-1149.5903787613, -1175.9973368872, -115.0183177961],
      "ImageType": [
        "ORIGINAL",
        "PRIMARY",
        "M",
        "ND",
        "ECHO_00",
        "COMBINED",
        "COMBINED_ECHOES",
        "MOSAIC"
],
      "ImagedNucleus": "1H",
      "ImagingFrequency": 297.205283,
      "InPlanePhaseEncodingDirection": "COL",
      "MRAcquisitionType": "3D",
      "MagneticFieldStrength": 6.98,
      "Manufacturer": "SIEMENS",
      "ManufacturerModelName": "Investigational_Device_7T",
      "Modality": "MR",
      "NumberOfAverages": 1.0,
      "NumberOfPhaseEncodingSteps": 181,
      "PercentPhaseFieldOfView": 100.0,
      "PercentSampling": 100.0,
      "PerformedProcedureStepStartTime": "171420.218000",
      "PhotometricInterpretation": "MONOCHROME2",
      "PixelBandwidth": 1042.0,
      "PixelRepresentation": 0,
      "PixelSpacing": [0.80000001192093, 0.80000001192093],
      "ProtocolName": "VASO160_G42_nofat_8TRtaskt",
      "RepetitionTime": 4120.9,
      "Rows": 2880,
      "SAR": 0.05536521473479,
      "SamplesPerPixel": 1,
      "ScanOptions": [
        "PFP",
        "SAT1"
],
      "ScanningSequence": "EP",
      "SequenceName": "BPs 3D-EPI with",
      "SequenceVariant": [
        "SK",
        "SP"
],
      "SeriesDescription": "CombinedEchoes BOLD-weighted",
      "SeriesNumber": 34,
      "SeriesTime": "003430.359000",
      "SliceLocation": -51.253463515893,
      "SliceThickness": 0.87000000476837,
      "SmallestImagePixelValue": 0,
      "SoftwareVersions": "syngo MR B17",
      "SpacingBetweenSlices": 0.87000000476837,
      "SpecificCharacterSet": "ISO_IR 100",
      "StudyID": "1",
      "StudyTime": "171420.171000",
      "TransmitCoilName": "32Ch_Head_7T",
      "VariableFlipAngleFlag": "N",
      "WindowCenterWidthExplanation": "Algo1",
      "dBdt": 0.0},
