{
  "AcquisitionMatrixPE": 226,
  "AcquisitionNumber": 1,
  "AcquisitionTime": "17:20:19.112500",
  "BandwidthPerPixelPhaseEncode": 22.786,
  "BaseResolution": 170,
  "CoilString": "C:A32",
  "ConversionSoftware": "dcm2niix",
  "ConversionSoftwareVersion": "v1.0.20190410  GCC6.3.0",
  "DerivedVendorReportedEchoSpacing": 0.00116513,
  "DeviceSerialNumber": "18930",
  "DwellTime": 3e-06,
  "EffectiveEchoSpacing": 0.000194188,
  "FlipAngle": 47,
  "ImageComments": "C3x2-1_Ref90x24s_CombinedEchoes_simple_average",
  "ImageOrientationPatientDICOM": [1, 0, 0, 0, 0.997053, -0.076719],
  "ImageType": [
    "ORIGINAL",
    "PRIMARY",
    "M",
    "ND",
    "ECHO",
 "00",
    "COMBINED",
    "COMBINED",
    "ECHOES",
    "MOSAIC"
],
  "ImagingFrequency": 297.205,
  "InPlanePhaseEncodingDirectionDICOM": "COL",
  "InstitutionAddress": "Oxfordlaan_55_Maastricht_Limburg_NL_6229_EV",
  "InstitutionName": "Scannexus",
  "InstitutionalDepartmentName": "MRI_7T",
  "MRAcquisitionType": "3D",
  "MagneticFieldStrength": 6.98,
  "Manufacturer": "Siemens",
  "ManufacturersModelName": "Investigational_Device_7T",
  "Modality": "MR",
  "MultibandAccelerationFactor": 112,
  "PartialFourier": 0.75,
  "PatientPosition": "HFS",
  "PercentPhaseFOV": 132.941,
  "PhaseEncodingSteps": 171,
  "PhaseResolution": 1,
  "PixelBandwidth": 980,
  "ProcedureStepDescription": "RenzoHuber_Anna_trt",
  "ProtocolName": "VASO160_G6C2_Gfast",
  "PulseSequenceDetails": "%CustomerSeq%_VASO_160",
  "ReceiveCoilName": "32Ch_Head_7T",
  "ReconMatrixPE": 226,
  "RefLinesPE": 90,
  "RepetitionTime": 6.2441,
  "SAR": 0.125786,
  "ScanOptions": "PFP_SAT1_FS",
  "ScanningSequence": "EP",
  "SequenceName": "BPs_3D-EPI_with",
  "SequenceVariant": "SK_SP_OSP",
  "SeriesDescription": "CombinedEchoes_simple_average",
  "SeriesNumber": 13,
  "ShimSetting": [185, -114, 486, 479, -24, 1028, -97, 122],
  "SliceThickness": 0.87,
  "SoftwareVersions": "syngo_MR_B17",
  "SpacingBetweenSlices": 0.87,
  "StationName": "MRC18930",
  "TaskName": "tapping",
  "TotalReadoutTime": 0.0436924,
  "TxRefAmp": 225,
  "dcmmeta_affine": [
    [-0.8158823251724243, 0.0, 0.0, 66.94036102294922],
    [0.0, 0.8134776949882507, -0.06674555689096451, -63.071815490722656],
    [0.0, 0.06259369850158691, 0.8674359321594238, -61.86517333984375],
    [0.0, 0.0, 0.0, 1.0]
],
  "dcmmeta_reorient_transform": [
    [0.0, -1.0, 0.0, 225.0],
    [1.0, 0.0, 0.0, 0.0],
    [0.0, 0.0, 1.0, 0.0],
    [0.0, 0.0, 0.0, 1.0]
],
  "dcmmeta_shape": [170, 226, 112, 149],
  "dcmmeta_slice_dim": 2,
  "dcmmeta_version": 0.6,
  "global": {
    "const": {
      "AcquisitionMatrix": [170, 0, 0, 226],
      "AngioFlag": "N",
      "BitsAllocated": 16,
      "BitsStored": 12,
      "Columns": 1870,
      "EchoNumbers": 1,
      "EchoTime": 0.0,
      "EchoTrainLength": 1,
      "FlipAngle": 47.0,
      "HighBit": 11,
      "ImageOrientationPatient": [1.0, 0.0, 0.0, 0.0, 0.99705275241222, -0.0767190257186],
      "ImagePositionPatient": [-760.44033563137, -1039.1904908446, 22.949284628791],
      "ImageType": [
        "ORIGINAL",
        "PRIMARY",
        "M",
        "ND",
        "ECHO_00",
        "COMBINED",
        "COMBINED_ECHOES",
        "MOSAIC"
],
      "ImagedNucleus": "1H",
      "ImagingFrequency": 297.205287,
      "InPlanePhaseEncodingDirection": "COL",
      "MRAcquisitionType": "3D",
      "MagneticFieldStrength": 6.98,
      "Manufacturer": "SIEMENS",
      "ManufacturerModelName": "Investigational_Device_7T",
      "Modality": "MR",
      "NumberOfAverages": 1.0,
      "NumberOfPhaseEncodingSteps": 171,
      "PercentPhaseFieldOfView": 132.94117664023,
      "PercentSampling": 100.0,
      "PerformedProcedureStepStartTime": "152803.703000",
      "PhotometricInterpretation": "MONOCHROME2",
      "PixelBandwidth": 980.0,
      "PixelRepresentation": 0,
      "PixelSpacing": [0.81588232517242, 0.81588232517242],
      "ProtocolName": "VASO160_G6C2_Gfast",
      "RepetitionTime": 6244.1,
      "Rows": 2486,
      "SAR": 0.12578639736111,
      "SamplesPerPixel": 1,
      "ScanOptions": [
        "PFP",
        "SAT1",
        "FS"
],
      "ScanningSequence": "EP",
      "SequenceName": "BPs 3D-EPI with",
      "SequenceVariant": [
        "SK",
        "SP",
        "OSP"
],
      "SeriesDescription": "CombinedEchoes simple average",
      "SeriesNumber": 13,
      "SeriesTime": "180203.296000",
      "SliceLocation": -56.844034588578,
      "SliceThickness": 0.87000000476837,
      "SmallestImagePixelValue": 0,
      "SoftwareVersions": "syngo MR B17",
      "SpacingBetweenSlices": 0.87000002179827,
      "SpecificCharacterSet": "ISO_IR 100",
      "StudyID": "1",
      "StudyTime": "152803.656000",
      "TransmitCoilName": "32Ch_Head_7T",
      "VariableFlipAngleFlag": "N",
      "WindowCenterWidthExplanation": "Algo1",
      "dBdt": 0.0},
