{
  "AcquisitionMatrixPE": 226,
  "AcquisitionNumber": 1,
  "AcquisitionTime": "16:38:34.072500",
  "BandwidthPerPixelPhaseEncode": 22.786,
  "BaseResolution": 170,
  "CoilString": "C:A32",
  "ConversionSoftware": "dcm2niix",
  "ConversionSoftwareVersion": "v1.0.20190410  GCC6.3.0",
  "DerivedVendorReportedEchoSpacing": 0.00116513,
  "DeviceSerialNumber": "18930",
  "DwellTime": 3e-06,
  "EffectiveEchoSpacing": 0.000194188,
  "FlipAngle": 40,
  "ImageComments": "C3x2-1_Ref90x24s_CombinedEchoes_simple_average_RENHUB_20210920_20010920_RENHUB_20210920_2",
  "ImageOrientationPatientDICOM": [
    1,
    0,
    0,
    0,
    0.999048,
    -0.0436194
  ],
  "ImageType": [
    "ORIGINAL",
    "PRIMARY",
    "M",
    "ND",
    "ECHO",
    "00",
    "COMBINED",
    "COMBINED",
    "ECHOES",
    "MOSAIC"
  ],
  "ImagingFrequency": 297.205,
  "InPlanePhaseEncodingDirectionDICOM": "COL",
  "InstitutionAddress": "Oxfordlaan_55_Maastricht_Limburg_NL_6229_EV",
  "InstitutionName": "Scannexus",
  "InstitutionalDepartmentName": "MRI_7T",
  "MRAcquisitionType": "3D",
  "MagneticFieldStrength": 6.98,
  "Manufacturer": "Siemens",
  "ManufacturersModelName": "Investigational_Device_7T",
  "Modality": "MR",
  "MultibandAccelerationFactor": 112,
  "PartialFourier": 0.75,
  "PatientPosition": "HFS",
  "PercentPhaseFOV": 132.941,
  "PhaseEncodingSteps": 171,
  "PhaseResolution": 1,
  "PixelBandwidth": 980,
  "ProcedureStepDescription": "RenzoHuber_Anna_trt",
  "ProtocolName": "VASO160_G6C2_Gfast",
  "PulseSequenceDetails": "%CustomerSeq%_VASO_160",
  "ReceiveCoilName": "32Ch_Head_7T",
  "ReconMatrixPE": 226,
  "RefLinesPE": 90,
  "RepetitionTime": 6.0056,
  "ScanOptions": "PFP_SAT1_FS",
  "ScanningSequence": "EP",
  "SequenceName": "BPs_3D-EPI_with",
  "SequenceVariant": "SK_SP_OSP",
  "SeriesDescription": "CombinedEchoes_simple_average",
  "SeriesNumber": 19,
  "ShimSetting": [
    189,
    -75,
    473,
    645,
    -55,
    1094,
    514,
    121
  ],
  "SliceThickness": 0.87,
  "SoftwareVersions": "syngo_MR_B17",
  "SpacingBetweenSlices": 0.87,
  "StationName": "MRC18930",
  "TaskName": "tapping",
  "TotalReadoutTime": 0.0436924,
  "TxRefAmp": 225,
  "dcmmeta_affine": [
    [
      -0.8158823251724243,
      0.0,
      0.0,
      66.94036102294922
    ],
    [
      0.0,
      0.8151057958602905,
      -0.03794886916875839,
      -63.406593322753906
    ],
    [
      0.0,
      0.03558828681707382,
      0.8691719770431519,
      -43.03330612182617
    ],
    [
      0.0,
      0.0,
      0.0,
      1.0
    ]
  ],
  "dcmmeta_reorient_transform": [
    [
      0.0,
      -1.0,
      0.0,
      225.0
    ],
    [
      1.0,
      0.0,
      0.0,
      0.0
    ],
    [
      0.0,
      0.0,
      1.0,
      0.0
    ],
    [
      0.0,
      0.0,
      0.0,
      1.0
    ]
  ],
  "dcmmeta_shape": [
    170,
    226,
    112,
    149
  ],
  "dcmmeta_slice_dim": 2,
  "dcmmeta_version": 0.6,
  "global": {
    "const": {
      "AcquisitionMatrix": [
        170,
        0,
        0,
        226
      ],
      "AngioFlag": "N",
      "BitsAllocated": 16,
      "BitsStored": 12,
      "Columns": 1870,
      "CsaImage.AcquisitionMatrixText": "226p*170",
      "CsaImage.Actual3DImaPartNumber": 0,
      "CsaImage.BandwidthPerPixelPhaseEncode": 22.786,
      "CsaImage.EchoColumnPosition": 85,
      "CsaImage.EchoLinePosition": 113,
      "CsaImage.EchoPartitionPosition": 56,
      "CsaImage.GSWDDataType": "predicted",
      "CsaImage.ImaAbsTablePosition": [
        0,
        0,
        -2072
      ],
      "CsaImage.ImaCoilString": "C:A32",
      "CsaImage.ImaPATModeText": "p6",
      "CsaImage.ImaRelTablePosition": [
        0,
        0,
        0
      ],
      "CsaImage.MeasuredFourierLines": 0,
      "CsaImage.MosaicRefAcqTimes": [
        0.0,
        0.0,
        0.0,
        0.0,
        0.0,
        0.0,
        0.0,
        0.0,
        0.0,
        0.0,
        0.0,
        0.0,
        0.0,
        0.0,
        0.0,
        0.0,
        0.0,
        0.0,
        0.0,
        0.0,
        0.0,
        0.0,
        0.0,
        0.0,
        0.0,
        0.0,
        0.0,
        0.0,
        0.0,
        0.0,
        0.0,
        0.0,
        0.0,
        0.0,
        0.0,
        0.0,
        0.0,
        0.0,
        0.0,
        0.0,
        0.0,
        0.0,
        0.0,
        0.0,
        0.0,
        0.0,
        0.0,
        0.0,
        0.0,
        0.0,
        0.0,
        0.0,
        0.0,
        0.0,
        0.0,
        0.0,
        0.0,
        0.0,
        0.0,
        0.0,
        0.0,
        0.0,
        0.0,
        0.0,
        0.0,
        0.0,
        0.0,
        0.0,
        0.0,
        0.0,
        0.0,
        0.0,
        0.0,
        0.0,
        0.0,
        0.0,
        0.0,
        0.0,
        0.0,
        0.0,
        0.0,
        0.0,
        0.0,
        0.0,
        0.0,
        0.0,
        0.0,
        0.0,
        0.0,
        0.0,
        0.0,
        0.0,
        0.0,
        0.0,
        0.0,
        0.0,
        0.0,
        0.0,
        0.0,
        0.0,
        0.0,
        0.0,
        0.0,
        0.0,
        0.0,
        0.0,
        0.0,
        0.0,
        0.0,
        0.0,
        0.0,
        0.0
      ],
      "CsaImage.MultistepIndex": 0,
      "CsaImage.NonPlanarImage": 0,
      "CsaImage.NumberOfImagesInMosaic": 112,
      "CsaImage.PhaseEncodingDirectionPositive": 1,
      "CsaImage.ProtocolSliceNumber": 0,
      "CsaImage.RFSWDDataType": "predicted",
      "CsaImage.RealDwellTime": 3000,
      "CsaImage.SequenceMask": 0,
      "CsaImage.SliceNormalVector": [
        0.0,
        0.04361939,
        0.99904822
      ],
      "CsaImage.SlicePosition_PCS": [
        -760.44033563,
        -1041.06174694,
        5.18882266
      ],
      "CsaImage.UsedChannelMask": 1,
      "CsaSeries.AbsTablePosition": -2072,
      "CsaSeries.B1rms": [
        8.2,
        8.1
      ],
      "CsaSeries.B1rmsSupervision": "YES",
      "CsaSeries.CoilForGradient": "void",
      "CsaSeries.CoilForGradient2": "SC72CD",
      "CsaSeries.CoilId": [
        255,
        184,
        185,
        238,
        186,
        187,
        0,
        0,
        0,
        0,
        0
      ],
      "CsaSeries.CoilString": "C:A32",
      "CsaSeries.FlowCompensation": "No",
      "CsaSeries.GradientDelayTime": [
        19.0,
        19.0,
        15.0
      ],
      "CsaSeries.GradientMode": "Fast",
      "CsaSeries.Isocentered": 0,
      "CsaSeries.LongModelName": "NUMARIS/4",
      "CsaSeries.MiscSequenceParam": [
        0,
        0,
        0,
        0,
        0,
        0,
        0,
        0,
        0,
        0,
        0,
        0,
        0,
        0,
        0,
        0,
        0,
        0,
        0,
        0,
        0,
        0,
        0,
        0,
        0,
        0,
        0,
        0,
        0,
        0,
        0,
        372,
        0,
        0,
        0,
        0,
        0,
        0
      ],
      "CsaSeries.MrPhoenixProtocol.acFlowComp[0]": 1,
      "CsaSeries.MrPhoenixProtocol.acFlowComp[10]": 1,
      "CsaSeries.MrPhoenixProtocol.acFlowComp[11]": 1,
      "CsaSeries.MrPhoenixProtocol.acFlowComp[12]": 1,
      "CsaSeries.MrPhoenixProtocol.acFlowComp[13]": 1,
      "CsaSeries.MrPhoenixProtocol.acFlowComp[14]": 1,
      "CsaSeries.MrPhoenixProtocol.acFlowComp[1]": 1,
      "CsaSeries.MrPhoenixProtocol.acFlowComp[2]": 1,
      "CsaSeries.MrPhoenixProtocol.acFlowComp[3]": 1,
      "CsaSeries.MrPhoenixProtocol.acFlowComp[4]": 1,
      "CsaSeries.MrPhoenixProtocol.acFlowComp[5]": 1,
      "CsaSeries.MrPhoenixProtocol.acFlowComp[6]": 1,
      "CsaSeries.MrPhoenixProtocol.acFlowComp[7]": 1,
      "CsaSeries.MrPhoenixProtocol.acFlowComp[8]": 1,
      "CsaSeries.MrPhoenixProtocol.acFlowComp[9]": 1,
      "CsaSeries.MrPhoenixProtocol.adFlipAngleDegree[0]": 40,
      "CsaSeries.MrPhoenixProtocol.alTE[0]": 18000,
      "CsaSeries.MrPhoenixProtocol.alTE[10]": 1000,
      "CsaSeries.MrPhoenixProtocol.alTE[11]": 1000,
      "CsaSeries.MrPhoenixProtocol.alTE[12]": 1000,
      "CsaSeries.MrPhoenixProtocol.alTE[13]": 1000,
      "CsaSeries.MrPhoenixProtocol.alTE[14]": 1000,
      "CsaSeries.MrPhoenixProtocol.alTE[1]": 1000,
      "CsaSeries.MrPhoenixProtocol.alTE[2]": 1000,
      "CsaSeries.MrPhoenixProtocol.alTE[3]": 1000,
      "CsaSeries.MrPhoenixProtocol.alTE[4]": 1000,
      "CsaSeries.MrPhoenixProtocol.alTE[5]": 1000,
      "CsaSeries.MrPhoenixProtocol.alTE[6]": 1000,
      "CsaSeries.MrPhoenixProtocol.alTE[7]": 1000,
      "CsaSeries.MrPhoenixProtocol.alTE[8]": 1000,
      "CsaSeries.MrPhoenixProtocol.alTE[9]": 1000,
      "CsaSeries.MrPhoenixProtocol.alTI[0]": 100000,
      "CsaSeries.MrPhoenixProtocol.alTI[1]": 50000,
      "CsaSeries.MrPhoenixProtocol.alTI[2]": 50000,
      "CsaSeries.MrPhoenixProtocol.alTR[0]": 6005600,
      "CsaSeries.MrPhoenixProtocol.asCoilSelectMeas[0].aFFT_SCALE[0].bValid": 1,
      "CsaSeries.MrPhoenixProtocol.asCoilSelectMeas[0].aFFT_SCALE[0].flFactor": 0.0379332,
      "CsaSeries.MrPhoenixProtocol.asCoilSelectMeas[0].aFFT_SCALE[0].lRxChannel": 1,
      "CsaSeries.MrPhoenixProtocol.asCoilSelectMeas[0].aFFT_SCALE[10].bValid": 1,
      "CsaSeries.MrPhoenixProtocol.asCoilSelectMeas[0].aFFT_SCALE[10].flFactor": 0.0419083,
      "CsaSeries.MrPhoenixProtocol.asCoilSelectMeas[0].aFFT_SCALE[10].lRxChannel": 11,
      "CsaSeries.MrPhoenixProtocol.asCoilSelectMeas[0].aFFT_SCALE[11].bValid": 1,
      "CsaSeries.MrPhoenixProtocol.asCoilSelectMeas[0].aFFT_SCALE[11].flFactor": 0.0412418,
      "CsaSeries.MrPhoenixProtocol.asCoilSelectMeas[0].aFFT_SCALE[11].lRxChannel": 12,
      "CsaSeries.MrPhoenixProtocol.asCoilSelectMeas[0].aFFT_SCALE[12].bValid": 1,
      "CsaSeries.MrPhoenixProtocol.asCoilSelectMeas[0].aFFT_SCALE[12].flFactor": 0.0406663,
      "CsaSeries.MrPhoenixProtocol.asCoilSelectMeas[0].aFFT_SCALE[12].lRxChannel": 13,
      "CsaSeries.MrPhoenixProtocol.asCoilSelectMeas[0].aFFT_SCALE[13].bValid": 1,
      "CsaSeries.MrPhoenixProtocol.asCoilSelectMeas[0].aFFT_SCALE[13].flFactor": 0.0383501,
      "CsaSeries.MrPhoenixProtocol.asCoilSelectMeas[0].aFFT_SCALE[13].lRxChannel": 14,
      "CsaSeries.MrPhoenixProtocol.asCoilSelectMeas[0].aFFT_SCALE[14].bValid": 1,
      "CsaSeries.MrPhoenixProtocol.asCoilSelectMeas[0].aFFT_SCALE[14].flFactor": 0.0393895,
      "CsaSeries.MrPhoenixProtocol.asCoilSelectMeas[0].aFFT_SCALE[14].lRxChannel": 15,
      "CsaSeries.MrPhoenixProtocol.asCoilSelectMeas[0].aFFT_SCALE[15].bValid": 1,
      "CsaSeries.MrPhoenixProtocol.asCoilSelectMeas[0].aFFT_SCALE[15].flFactor": 0.0376407,
      "CsaSeries.MrPhoenixProtocol.asCoilSelectMeas[0].aFFT_SCALE[15].lRxChannel": 16,
      "CsaSeries.MrPhoenixProtocol.asCoilSelectMeas[0].aFFT_SCALE[16].bValid": 1,
      "CsaSeries.MrPhoenixProtocol.asCoilSelectMeas[0].aFFT_SCALE[16].flFactor": 0.0394521,
      "CsaSeries.MrPhoenixProtocol.asCoilSelectMeas[0].aFFT_SCALE[16].lRxChannel": 17,
      "CsaSeries.MrPhoenixProtocol.asCoilSelectMeas[0].aFFT_SCALE[17].bValid": 1,
      "CsaSeries.MrPhoenixProtocol.asCoilSelectMeas[0].aFFT_SCALE[17].flFactor": 0.0382337,
      "CsaSeries.MrPhoenixProtocol.asCoilSelectMeas[0].aFFT_SCALE[17].lRxChannel": 18,
      "CsaSeries.MrPhoenixProtocol.asCoilSelectMeas[0].aFFT_SCALE[18].bValid": 1,
      "CsaSeries.MrPhoenixProtocol.asCoilSelectMeas[0].aFFT_SCALE[18].flFactor": 0.0393303,
      "CsaSeries.MrPhoenixProtocol.asCoilSelectMeas[0].aFFT_SCALE[18].lRxChannel": 19,
      "CsaSeries.MrPhoenixProtocol.asCoilSelectMeas[0].aFFT_SCALE[19].bValid": 1,
      "CsaSeries.MrPhoenixProtocol.asCoilSelectMeas[0].aFFT_SCALE[19].flFactor": 0.0371027,
      "CsaSeries.MrPhoenixProtocol.asCoilSelectMeas[0].aFFT_SCALE[19].lRxChannel": 20,
      "CsaSeries.MrPhoenixProtocol.asCoilSelectMeas[0].aFFT_SCALE[1].bValid": 1,
      "CsaSeries.MrPhoenixProtocol.asCoilSelectMeas[0].aFFT_SCALE[1].flFactor": 0.0362649,
      "CsaSeries.MrPhoenixProtocol.asCoilSelectMeas[0].aFFT_SCALE[1].lRxChannel": 2,
      "CsaSeries.MrPhoenixProtocol.asCoilSelectMeas[0].aFFT_SCALE[20].bValid": 1,
      "CsaSeries.MrPhoenixProtocol.asCoilSelectMeas[0].aFFT_SCALE[20].flFactor": 0.0373315,
      "CsaSeries.MrPhoenixProtocol.asCoilSelectMeas[0].aFFT_SCALE[20].lRxChannel": 21,
      "CsaSeries.MrPhoenixProtocol.asCoilSelectMeas[0].aFFT_SCALE[21].bValid": 1,
      "CsaSeries.MrPhoenixProtocol.asCoilSelectMeas[0].aFFT_SCALE[21].flFactor": 0.0346737,
      "CsaSeries.MrPhoenixProtocol.asCoilSelectMeas[0].aFFT_SCALE[21].lRxChannel": 22,
      "CsaSeries.MrPhoenixProtocol.asCoilSelectMeas[0].aFFT_SCALE[22].bValid": 1,
      "CsaSeries.MrPhoenixProtocol.asCoilSelectMeas[0].aFFT_SCALE[22].flFactor": 0.0355558,
      "CsaSeries.MrPhoenixProtocol.asCoilSelectMeas[0].aFFT_SCALE[22].lRxChannel": 23,
      "CsaSeries.MrPhoenixProtocol.asCoilSelectMeas[0].aFFT_SCALE[23].bValid": 1,
      "CsaSeries.MrPhoenixProtocol.asCoilSelectMeas[0].aFFT_SCALE[23].flFactor": 0.0351046,
      "CsaSeries.MrPhoenixProtocol.asCoilSelectMeas[0].aFFT_SCALE[23].lRxChannel": 24,
      "CsaSeries.MrPhoenixProtocol.asCoilSelectMeas[0].aFFT_SCALE[24].bValid": 1,
      "CsaSeries.MrPhoenixProtocol.asCoilSelectMeas[0].aFFT_SCALE[24].flFactor": 0.0385713,
      "CsaSeries.MrPhoenixProtocol.asCoilSelectMeas[0].aFFT_SCALE[24].lRxChannel": 25,
      "CsaSeries.MrPhoenixProtocol.asCoilSelectMeas[0].aFFT_SCALE[25].bValid": 1,
      "CsaSeries.MrPhoenixProtocol.asCoilSelectMeas[0].aFFT_SCALE[25].flFactor": 0.0365325,
      "CsaSeries.MrPhoenixProtocol.asCoilSelectMeas[0].aFFT_SCALE[25].lRxChannel": 26,
      "CsaSeries.MrPhoenixProtocol.asCoilSelectMeas[0].aFFT_SCALE[26].bValid": 1,
      "CsaSeries.MrPhoenixProtocol.asCoilSelectMeas[0].aFFT_SCALE[26].flFactor": 0.0382762,
      "CsaSeries.MrPhoenixProtocol.asCoilSelectMeas[0].aFFT_SCALE[26].lRxChannel": 27,
      "CsaSeries.MrPhoenixProtocol.asCoilSelectMeas[0].aFFT_SCALE[27].bValid": 1,
      "CsaSeries.MrPhoenixProtocol.asCoilSelectMeas[0].aFFT_SCALE[27].flFactor": 0.037735,
      "CsaSeries.MrPhoenixProtocol.asCoilSelectMeas[0].aFFT_SCALE[27].lRxChannel": 28,
      "CsaSeries.MrPhoenixProtocol.asCoilSelectMeas[0].aFFT_SCALE[28].bValid": 1,
      "CsaSeries.MrPhoenixProtocol.asCoilSelectMeas[0].aFFT_SCALE[28].flFactor": 0.0393345,
      "CsaSeries.MrPhoenixProtocol.asCoilSelectMeas[0].aFFT_SCALE[28].lRxChannel": 29,
      "CsaSeries.MrPhoenixProtocol.asCoilSelectMeas[0].aFFT_SCALE[29].bValid": 1,
      "CsaSeries.MrPhoenixProtocol.asCoilSelectMeas[0].aFFT_SCALE[29].flFactor": 0.0376227,
      "CsaSeries.MrPhoenixProtocol.asCoilSelectMeas[0].aFFT_SCALE[29].lRxChannel": 30,
      "CsaSeries.MrPhoenixProtocol.asCoilSelectMeas[0].aFFT_SCALE[2].bValid": 1,
      "CsaSeries.MrPhoenixProtocol.asCoilSelectMeas[0].aFFT_SCALE[2].flFactor": 0.0397745,
      "CsaSeries.MrPhoenixProtocol.asCoilSelectMeas[0].aFFT_SCALE[2].lRxChannel": 3,
      "CsaSeries.MrPhoenixProtocol.asCoilSelectMeas[0].aFFT_SCALE[30].bValid": 1,
      "CsaSeries.MrPhoenixProtocol.asCoilSelectMeas[0].aFFT_SCALE[30].flFactor": 0.0384776,
      "CsaSeries.MrPhoenixProtocol.asCoilSelectMeas[0].aFFT_SCALE[30].lRxChannel": 31,
      "CsaSeries.MrPhoenixProtocol.asCoilSelectMeas[0].aFFT_SCALE[31].bValid": 1,
      "CsaSeries.MrPhoenixProtocol.asCoilSelectMeas[0].aFFT_SCALE[31].flFactor": 0.0371536,
      "CsaSeries.MrPhoenixProtocol.asCoilSelectMeas[0].aFFT_SCALE[31].lRxChannel": 32,
      "CsaSeries.MrPhoenixProtocol.asCoilSelectMeas[0].aFFT_SCALE[3].bValid": 1,
      "CsaSeries.MrPhoenixProtocol.asCoilSelectMeas[0].aFFT_SCALE[3].flFactor": 0.0385053,
      "CsaSeries.MrPhoenixProtocol.asCoilSelectMeas[0].aFFT_SCALE[3].lRxChannel": 4,
      "CsaSeries.MrPhoenixProtocol.asCoilSelectMeas[0].aFFT_SCALE[4].bValid": 1,
      "CsaSeries.MrPhoenixProtocol.asCoilSelectMeas[0].aFFT_SCALE[4].flFactor": 0.039583,
      "CsaSeries.MrPhoenixProtocol.asCoilSelectMeas[0].aFFT_SCALE[4].lRxChannel": 5,
      "CsaSeries.MrPhoenixProtocol.asCoilSelectMeas[0].aFFT_SCALE[5].bValid": 1,
      "CsaSeries.MrPhoenixProtocol.asCoilSelectMeas[0].aFFT_SCALE[5].flFactor": 0.0388095,
      "CsaSeries.MrPhoenixProtocol.asCoilSelectMeas[0].aFFT_SCALE[5].lRxChannel": 6,
      "CsaSeries.MrPhoenixProtocol.asCoilSelectMeas[0].aFFT_SCALE[6].bValid": 1,
      "CsaSeries.MrPhoenixProtocol.asCoilSelectMeas[0].aFFT_SCALE[6].flFactor": 0.0403413,
      "CsaSeries.MrPhoenixProtocol.asCoilSelectMeas[0].aFFT_SCALE[6].lRxChannel": 7,
      "CsaSeries.MrPhoenixProtocol.asCoilSelectMeas[0].aFFT_SCALE[7].bValid": 1,
      "CsaSeries.MrPhoenixProtocol.asCoilSelectMeas[0].aFFT_SCALE[7].flFactor": 0.0396733,
      "CsaSeries.MrPhoenixProtocol.asCoilSelectMeas[0].aFFT_SCALE[7].lRxChannel": 8,
      "CsaSeries.MrPhoenixProtocol.asCoilSelectMeas[0].aFFT_SCALE[8].bValid": 1,
      "CsaSeries.MrPhoenixProtocol.asCoilSelectMeas[0].aFFT_SCALE[8].flFactor": 0.0402589,
      "CsaSeries.MrPhoenixProtocol.asCoilSelectMeas[0].aFFT_SCALE[8].lRxChannel": 9,
      "CsaSeries.MrPhoenixProtocol.asCoilSelectMeas[0].aFFT_SCALE[9].bValid": 1,
      "CsaSeries.MrPhoenixProtocol.asCoilSelectMeas[0].aFFT_SCALE[9].flFactor": 0.037353,
      "CsaSeries.MrPhoenixProtocol.asCoilSelectMeas[0].aFFT_SCALE[9].lRxChannel": 10,
      "CsaSeries.MrPhoenixProtocol.asCoilSelectMeas[0].asList[0].lElementSelected": 1,
      "CsaSeries.MrPhoenixProtocol.asCoilSelectMeas[0].asList[0].lRxChannelConnected": 1,
      "CsaSeries.MrPhoenixProtocol.asCoilSelectMeas[0].asList[0].sCoilElementID.lCoilCopy": 1,
      "CsaSeries.MrPhoenixProtocol.asCoilSelectMeas[0].asList[0].sCoilElementID.tCoilID": "32Ch_Head_7T",
      "CsaSeries.MrPhoenixProtocol.asCoilSelectMeas[0].asList[0].sCoilElementID.tElement": "A01",
      "CsaSeries.MrPhoenixProtocol.asCoilSelectMeas[0].asList[10].lElementSelected": 1,
      "CsaSeries.MrPhoenixProtocol.asCoilSelectMeas[0].asList[10].lRxChannelConnected": 11,
      "CsaSeries.MrPhoenixProtocol.asCoilSelectMeas[0].asList[10].sCoilElementID.lCoilCopy": 1,
      "CsaSeries.MrPhoenixProtocol.asCoilSelectMeas[0].asList[10].sCoilElementID.tCoilID": "32Ch_Head_7T",
      "CsaSeries.MrPhoenixProtocol.asCoilSelectMeas[0].asList[10].sCoilElementID.tElement": "A11",
      "CsaSeries.MrPhoenixProtocol.asCoilSelectMeas[0].asList[11].lElementSelected": 1,
      "CsaSeries.MrPhoenixProtocol.asCoilSelectMeas[0].asList[11].lRxChannelConnected": 12,
      "CsaSeries.MrPhoenixProtocol.asCoilSelectMeas[0].asList[11].sCoilElementID.lCoilCopy": 1,
      "CsaSeries.MrPhoenixProtocol.asCoilSelectMeas[0].asList[11].sCoilElementID.tCoilID": "32Ch_Head_7T",
      "CsaSeries.MrPhoenixProtocol.asCoilSelectMeas[0].asList[11].sCoilElementID.tElement": "A12",
      "CsaSeries.MrPhoenixProtocol.asCoilSelectMeas[0].asList[12].lElementSelected": 1,
      "CsaSeries.MrPhoenixProtocol.asCoilSelectMeas[0].asList[12].lRxChannelConnected": 13,
      "CsaSeries.MrPhoenixProtocol.asCoilSelectMeas[0].asList[12].sCoilElementID.lCoilCopy": 1,
      "CsaSeries.MrPhoenixProtocol.asCoilSelectMeas[0].asList[12].sCoilElementID.tCoilID": "32Ch_Head_7T",
      "CsaSeries.MrPhoenixProtocol.asCoilSelectMeas[0].asList[12].sCoilElementID.tElement": "A13",
      "CsaSeries.MrPhoenixProtocol.asCoilSelectMeas[0].asList[13].lElementSelected": 1,
      "CsaSeries.MrPhoenixProtocol.asCoilSelectMeas[0].asList[13].lRxChannelConnected": 14,
      "CsaSeries.MrPhoenixProtocol.asCoilSelectMeas[0].asList[13].sCoilElementID.lCoilCopy": 1,
      "CsaSeries.MrPhoenixProtocol.asCoilSelectMeas[0].asList[13].sCoilElementID.tCoilID": "32Ch_Head_7T",
      "CsaSeries.MrPhoenixProtocol.asCoilSelectMeas[0].asList[13].sCoilElementID.tElement": "A14",
      "CsaSeries.MrPhoenixProtocol.asCoilSelectMeas[0].asList[14].lElementSelected": 1,
      "CsaSeries.MrPhoenixProtocol.asCoilSelectMeas[0].asList[14].lRxChannelConnected": 15,
      "CsaSeries.MrPhoenixProtocol.asCoilSelectMeas[0].asList[14].sCoilElementID.lCoilCopy": 1,
      "CsaSeries.MrPhoenixProtocol.asCoilSelectMeas[0].asList[14].sCoilElementID.tCoilID": "32Ch_Head_7T",
      "CsaSeries.MrPhoenixProtocol.asCoilSelectMeas[0].asList[14].sCoilElementID.tElement": "A15",
      "CsaSeries.MrPhoenixProtocol.asCoilSelectMeas[0].asList[15].lElementSelected": 1,
      "CsaSeries.MrPhoenixProtocol.asCoilSelectMeas[0].asList[15].lRxChannelConnected": 16,
      "CsaSeries.MrPhoenixProtocol.asCoilSelectMeas[0].asList[15].sCoilElementID.lCoilCopy": 1,
      "CsaSeries.MrPhoenixProtocol.asCoilSelectMeas[0].asList[15].sCoilElementID.tCoilID": "32Ch_Head_7T",
      "CsaSeries.MrPhoenixProtocol.asCoilSelectMeas[0].asList[15].sCoilElementID.tElement": "A16",
      "CsaSeries.MrPhoenixProtocol.asCoilSelectMeas[0].asList[16].lElementSelected": 1,
      "CsaSeries.MrPhoenixProtocol.asCoilSelectMeas[0].asList[16].lRxChannelConnected": 17,
      "CsaSeries.MrPhoenixProtocol.asCoilSelectMeas[0].asList[16].sCoilElementID.lCoilCopy": 1,
      "CsaSeries.MrPhoenixProtocol.asCoilSelectMeas[0].asList[16].sCoilElementID.tCoilID": "32Ch_Head_7T",
      "CsaSeries.MrPhoenixProtocol.asCoilSelectMeas[0].asList[16].sCoilElementID.tElement": "A17",
      "CsaSeries.MrPhoenixProtocol.asCoilSelectMeas[0].asList[17].lElementSelected": 1,
      "CsaSeries.MrPhoenixProtocol.asCoilSelectMeas[0].asList[17].lRxChannelConnected": 18,
      "CsaSeries.MrPhoenixProtocol.asCoilSelectMeas[0].asList[17].sCoilElementID.lCoilCopy": 1,
      "CsaSeries.MrPhoenixProtocol.asCoilSelectMeas[0].asList[17].sCoilElementID.tCoilID": "32Ch_Head_7T",
      "CsaSeries.MrPhoenixProtocol.asCoilSelectMeas[0].asList[17].sCoilElementID.tElement": "A18",
      "CsaSeries.MrPhoenixProtocol.asCoilSelectMeas[0].asList[18].lElementSelected": 1,
      "CsaSeries.MrPhoenixProtocol.asCoilSelectMeas[0].asList[18].lRxChannelConnected": 19,
      "CsaSeries.MrPhoenixProtocol.asCoilSelectMeas[0].asList[18].sCoilElementID.lCoilCopy": 1,
      "CsaSeries.MrPhoenixProtocol.asCoilSelectMeas[0].asList[18].sCoilElementID.tCoilID": "32Ch_Head_7T",
      "CsaSeries.MrPhoenixProtocol.asCoilSelectMeas[0].asList[18].sCoilElementID.tElement": "A19",
      "CsaSeries.MrPhoenixProtocol.asCoilSelectMeas[0].asList[19].lElementSelected": 1,
      "CsaSeries.MrPhoenixProtocol.asCoilSelectMeas[0].asList[19].lRxChannelConnected": 20,
      "CsaSeries.MrPhoenixProtocol.asCoilSelectMeas[0].asList[19].sCoilElementID.lCoilCopy": 1,
      "CsaSeries.MrPhoenixProtocol.asCoilSelectMeas[0].asList[19].sCoilElementID.tCoilID": "32Ch_Head_7T",
      "CsaSeries.MrPhoenixProtocol.asCoilSelectMeas[0].asList[19].sCoilElementID.tElement": "A20",
      "CsaSeries.MrPhoenixProtocol.asCoilSelectMeas[0].asList[1].lElementSelected": 1,
      "CsaSeries.MrPhoenixProtocol.asCoilSelectMeas[0].asList[1].lRxChannelConnected": 2,
      "CsaSeries.MrPhoenixProtocol.asCoilSelectMeas[0].asList[1].sCoilElementID.lCoilCopy": 1,
      "CsaSeries.MrPhoenixProtocol.asCoilSelectMeas[0].asList[1].sCoilElementID.tCoilID": "32Ch_Head_7T",
      "CsaSeries.MrPhoenixProtocol.asCoilSelectMeas[0].asList[1].sCoilElementID.tElement": "A02",
      "CsaSeries.MrPhoenixProtocol.asCoilSelectMeas[0].asList[20].lElementSelected": 1,
      "CsaSeries.MrPhoenixProtocol.asCoilSelectMeas[0].asList[20].lRxChannelConnected": 21,
      "CsaSeries.MrPhoenixProtocol.asCoilSelectMeas[0].asList[20].sCoilElementID.lCoilCopy": 1,
      "CsaSeries.MrPhoenixProtocol.asCoilSelectMeas[0].asList[20].sCoilElementID.tCoilID": "32Ch_Head_7T",
      "CsaSeries.MrPhoenixProtocol.asCoilSelectMeas[0].asList[20].sCoilElementID.tElement": "A21",
      "CsaSeries.MrPhoenixProtocol.asCoilSelectMeas[0].asList[21].lElementSelected": 1,
      "CsaSeries.MrPhoenixProtocol.asCoilSelectMeas[0].asList[21].lRxChannelConnected": 22,
      "CsaSeries.MrPhoenixProtocol.asCoilSelectMeas[0].asList[21].sCoilElementID.lCoilCopy": 1,
      "CsaSeries.MrPhoenixProtocol.asCoilSelectMeas[0].asList[21].sCoilElementID.tCoilID": "32Ch_Head_7T",
      "CsaSeries.MrPhoenixProtocol.asCoilSelectMeas[0].asList[21].sCoilElementID.tElement": "A22",
      "CsaSeries.MrPhoenixProtocol.asCoilSelectMeas[0].asList[22].lElementSelected": 1,
      "CsaSeries.MrPhoenixProtocol.asCoilSelectMeas[0].asList[22].lRxChannelConnected": 23,
      "CsaSeries.MrPhoenixProtocol.asCoilSelectMeas[0].asList[22].sCoilElementID.lCoilCopy": 1,
      "CsaSeries.MrPhoenixProtocol.asCoilSelectMeas[0].asList[22].sCoilElementID.tCoilID": "32Ch_Head_7T",
      "CsaSeries.MrPhoenixProtocol.asCoilSelectMeas[0].asList[22].sCoilElementID.tElement": "A23",
      "CsaSeries.MrPhoenixProtocol.asCoilSelectMeas[0].asList[23].lElementSelected": 1,
      "CsaSeries.MrPhoenixProtocol.asCoilSelectMeas[0].asList[23].lRxChannelConnected": 24,
      "CsaSeries.MrPhoenixProtocol.asCoilSelectMeas[0].asList[23].sCoilElementID.lCoilCopy": 1,
      "CsaSeries.MrPhoenixProtocol.asCoilSelectMeas[0].asList[23].sCoilElementID.tCoilID": "32Ch_Head_7T",
      "CsaSeries.MrPhoenixProtocol.asCoilSelectMeas[0].asList[23].sCoilElementID.tElement": "A24",
      "CsaSeries.MrPhoenixProtocol.asCoilSelectMeas[0].asList[24].lElementSelected": 1,
      "CsaSeries.MrPhoenixProtocol.asCoilSelectMeas[0].asList[24].lRxChannelConnected": 25,
      "CsaSeries.MrPhoenixProtocol.asCoilSelectMeas[0].asList[24].sCoilElementID.lCoilCopy": 1,
      "CsaSeries.MrPhoenixProtocol.asCoilSelectMeas[0].asList[24].sCoilElementID.tCoilID": "32Ch_Head_7T",
      "CsaSeries.MrPhoenixProtocol.asCoilSelectMeas[0].asList[24].sCoilElementID.tElement": "A25",
      "CsaSeries.MrPhoenixProtocol.asCoilSelectMeas[0].asList[25].lElementSelected": 1,
      "CsaSeries.MrPhoenixProtocol.asCoilSelectMeas[0].asList[25].lRxChannelConnected": 26,
      "CsaSeries.MrPhoenixProtocol.asCoilSelectMeas[0].asList[25].sCoilElementID.lCoilCopy": 1,
      "CsaSeries.MrPhoenixProtocol.asCoilSelectMeas[0].asList[25].sCoilElementID.tCoilID": "32Ch_Head_7T",
      "CsaSeries.MrPhoenixProtocol.asCoilSelectMeas[0].asList[25].sCoilElementID.tElement": "A26",
      "CsaSeries.MrPhoenixProtocol.asCoilSelectMeas[0].asList[26].lElementSelected": 1,
      "CsaSeries.MrPhoenixProtocol.asCoilSelectMeas[0].asList[26].lRxChannelConnected": 27,
      "CsaSeries.MrPhoenixProtocol.asCoilSelectMeas[0].asList[26].sCoilElementID.lCoilCopy": 1,
      "CsaSeries.MrPhoenixProtocol.asCoilSelectMeas[0].asList[26].sCoilElementID.tCoilID": "32Ch_Head_7T",
      "CsaSeries.MrPhoenixProtocol.asCoilSelectMeas[0].asList[26].sCoilElementID.tElement": "A27",
      "CsaSeries.MrPhoenixProtocol.asCoilSelectMeas[0].asList[27].lElementSelected": 1,
      "CsaSeries.MrPhoenixProtocol.asCoilSelectMeas[0].asList[27].lRxChannelConnected": 28,
      "CsaSeries.MrPhoenixProtocol.asCoilSelectMeas[0].asList[27].sCoilElementID.lCoilCopy": 1,
      "CsaSeries.MrPhoenixProtocol.asCoilSelectMeas[0].asList[27].sCoilElementID.tCoilID": "32Ch_Head_7T",
      "CsaSeries.MrPhoenixProtocol.asCoilSelectMeas[0].asList[27].sCoilElementID.tElement": "A28",
      "CsaSeries.MrPhoenixProtocol.asCoilSelectMeas[0].asList[28].lElementSelected": 1,
      "CsaSeries.MrPhoenixProtocol.asCoilSelectMeas[0].asList[28].lRxChannelConnected": 29,
      "CsaSeries.MrPhoenixProtocol.asCoilSelectMeas[0].asList[28].sCoilElementID.lCoilCopy": 1,
      "CsaSeries.MrPhoenixProtocol.asCoilSelectMeas[0].asList[28].sCoilElementID.tCoilID": "32Ch_Head_7T",
      "CsaSeries.MrPhoenixProtocol.asCoilSelectMeas[0].asList[28].sCoilElementID.tElement": "A29",
      "CsaSeries.MrPhoenixProtocol.asCoilSelectMeas[0].asList[29].lElementSelected": 1,
      "CsaSeries.MrPhoenixProtocol.asCoilSelectMeas[0].asList[29].lRxChannelConnected": 30,
      "CsaSeries.MrPhoenixProtocol.asCoilSelectMeas[0].asList[29].sCoilElementID.lCoilCopy": 1,
      "CsaSeries.MrPhoenixProtocol.asCoilSelectMeas[0].asList[29].sCoilElementID.tCoilID": "32Ch_Head_7T",
      "CsaSeries.MrPhoenixProtocol.asCoilSelectMeas[0].asList[29].sCoilElementID.tElement": "A30",
      "CsaSeries.MrPhoenixProtocol.asCoilSelectMeas[0].asList[2].lElementSelected": 1,
      "CsaSeries.MrPhoenixProtocol.asCoilSelectMeas[0].asList[2].lRxChannelConnected": 3,
      "CsaSeries.MrPhoenixProtocol.asCoilSelectMeas[0].asList[2].sCoilElementID.lCoilCopy": 1,
      "CsaSeries.MrPhoenixProtocol.asCoilSelectMeas[0].asList[2].sCoilElementID.tCoilID": "32Ch_Head_7T",
      "CsaSeries.MrPhoenixProtocol.asCoilSelectMeas[0].asList[2].sCoilElementID.tElement": "A03",
      "CsaSeries.MrPhoenixProtocol.asCoilSelectMeas[0].asList[30].lElementSelected": 1,
      "CsaSeries.MrPhoenixProtocol.asCoilSelectMeas[0].asList[30].lRxChannelConnected": 31,
      "CsaSeries.MrPhoenixProtocol.asCoilSelectMeas[0].asList[30].sCoilElementID.lCoilCopy": 1,
      "CsaSeries.MrPhoenixProtocol.asCoilSelectMeas[0].asList[30].sCoilElementID.tCoilID": "32Ch_Head_7T",
      "CsaSeries.MrPhoenixProtocol.asCoilSelectMeas[0].asList[30].sCoilElementID.tElement": "A31",
      "CsaSeries.MrPhoenixProtocol.asCoilSelectMeas[0].asList[31].lElementSelected": 1,
      "CsaSeries.MrPhoenixProtocol.asCoilSelectMeas[0].asList[31].lRxChannelConnected": 32,
      "CsaSeries.MrPhoenixProtocol.asCoilSelectMeas[0].asList[31].sCoilElementID.lCoilCopy": 1,
      "CsaSeries.MrPhoenixProtocol.asCoilSelectMeas[0].asList[31].sCoilElementID.tCoilID": "32Ch_Head_7T",
      "CsaSeries.MrPhoenixProtocol.asCoilSelectMeas[0].asList[31].sCoilElementID.tElement": "A32",
      "CsaSeries.MrPhoenixProtocol.asCoilSelectMeas[0].asList[3].lElementSelected": 1,
      "CsaSeries.MrPhoenixProtocol.asCoilSelectMeas[0].asList[3].lRxChannelConnected": 4,
      "CsaSeries.MrPhoenixProtocol.asCoilSelectMeas[0].asList[3].sCoilElementID.lCoilCopy": 1,
      "CsaSeries.MrPhoenixProtocol.asCoilSelectMeas[0].asList[3].sCoilElementID.tCoilID": "32Ch_Head_7T",
      "CsaSeries.MrPhoenixProtocol.asCoilSelectMeas[0].asList[3].sCoilElementID.tElement": "A04",
      "CsaSeries.MrPhoenixProtocol.asCoilSelectMeas[0].asList[4].lElementSelected": 1,
      "CsaSeries.MrPhoenixProtocol.asCoilSelectMeas[0].asList[4].lRxChannelConnected": 5,
      "CsaSeries.MrPhoenixProtocol.asCoilSelectMeas[0].asList[4].sCoilElementID.lCoilCopy": 1,
      "CsaSeries.MrPhoenixProtocol.asCoilSelectMeas[0].asList[4].sCoilElementID.tCoilID": "32Ch_Head_7T",
      "CsaSeries.MrPhoenixProtocol.asCoilSelectMeas[0].asList[4].sCoilElementID.tElement": "A05",
      "CsaSeries.MrPhoenixProtocol.asCoilSelectMeas[0].asList[5].lElementSelected": 1,
      "CsaSeries.MrPhoenixProtocol.asCoilSelectMeas[0].asList[5].lRxChannelConnected": 6,
      "CsaSeries.MrPhoenixProtocol.asCoilSelectMeas[0].asList[5].sCoilElementID.lCoilCopy": 1,
      "CsaSeries.MrPhoenixProtocol.asCoilSelectMeas[0].asList[5].sCoilElementID.tCoilID": "32Ch_Head_7T",
      "CsaSeries.MrPhoenixProtocol.asCoilSelectMeas[0].asList[5].sCoilElementID.tElement": "A06",
      "CsaSeries.MrPhoenixProtocol.asCoilSelectMeas[0].asList[6].lElementSelected": 1,
      "CsaSeries.MrPhoenixProtocol.asCoilSelectMeas[0].asList[6].lRxChannelConnected": 7,
      "CsaSeries.MrPhoenixProtocol.asCoilSelectMeas[0].asList[6].sCoilElementID.lCoilCopy": 1,
      "CsaSeries.MrPhoenixProtocol.asCoilSelectMeas[0].asList[6].sCoilElementID.tCoilID": "32Ch_Head_7T",
      "CsaSeries.MrPhoenixProtocol.asCoilSelectMeas[0].asList[6].sCoilElementID.tElement": "A07",
      "CsaSeries.MrPhoenixProtocol.asCoilSelectMeas[0].asList[7].lElementSelected": 1,
      "CsaSeries.MrPhoenixProtocol.asCoilSelectMeas[0].asList[7].lRxChannelConnected": 8,
      "CsaSeries.MrPhoenixProtocol.asCoilSelectMeas[0].asList[7].sCoilElementID.lCoilCopy": 1,
      "CsaSeries.MrPhoenixProtocol.asCoilSelectMeas[0].asList[7].sCoilElementID.tCoilID": "32Ch_Head_7T",
      "CsaSeries.MrPhoenixProtocol.asCoilSelectMeas[0].asList[7].sCoilElementID.tElement": "A08",
      "CsaSeries.MrPhoenixProtocol.asCoilSelectMeas[0].asList[8].lElementSelected": 1,
      "CsaSeries.MrPhoenixProtocol.asCoilSelectMeas[0].asList[8].lRxChannelConnected": 9,
      "CsaSeries.MrPhoenixProtocol.asCoilSelectMeas[0].asList[8].sCoilElementID.lCoilCopy": 1,
      "CsaSeries.MrPhoenixProtocol.asCoilSelectMeas[0].asList[8].sCoilElementID.tCoilID": "32Ch_Head_7T",
      "CsaSeries.MrPhoenixProtocol.asCoilSelectMeas[0].asList[8].sCoilElementID.tElement": "A09",
      "CsaSeries.MrPhoenixProtocol.asCoilSelectMeas[0].asList[9].lElementSelected": 1,
      "CsaSeries.MrPhoenixProtocol.asCoilSelectMeas[0].asList[9].lRxChannelConnected": 10,
      "CsaSeries.MrPhoenixProtocol.asCoilSelectMeas[0].asList[9].sCoilElementID.lCoilCopy": 1,
      "CsaSeries.MrPhoenixProtocol.asCoilSelectMeas[0].asList[9].sCoilElementID.tCoilID": "32Ch_Head_7T",
      "CsaSeries.MrPhoenixProtocol.asCoilSelectMeas[0].asList[9].sCoilElementID.tElement": "A10",
      "CsaSeries.MrPhoenixProtocol.asCoilSelectMeas[0].iUsedRFactor": 3,
      "CsaSeries.MrPhoenixProtocol.asCoilSelectMeas[0].sCOILPLUGS.auiNmbrOfNibbles[0]": 2,
      "CsaSeries.MrPhoenixProtocol.asCoilSelectMeas[0].sCOILPLUGS.auiNmbrOfNibbles[1]": 2,
      "CsaSeries.MrPhoenixProtocol.asCoilSelectMeas[0].sCOILPLUGS.auiNmbrOfNibbles[2]": 2,
      "CsaSeries.MrPhoenixProtocol.asCoilSelectMeas[0].sCOILPLUGS.auiNmbrOfNibbles[3]": 2,
      "CsaSeries.MrPhoenixProtocol.asCoilSelectMeas[0].sCOILPLUGS.auiNmbrOfNibbles[4]": 2,
      "CsaSeries.MrPhoenixProtocol.asCoilSelectMeas[0].sCOILPLUGS.auiNmbrOfNibbles[5]": 2,
      "CsaSeries.MrPhoenixProtocol.asCoilSelectMeas[0].sCOILPLUGS.aulPlugId[0]": 255,
      "CsaSeries.MrPhoenixProtocol.asCoilSelectMeas[0].sCOILPLUGS.aulPlugId[1]": 184,
      "CsaSeries.MrPhoenixProtocol.asCoilSelectMeas[0].sCOILPLUGS.aulPlugId[2]": 185,
      "CsaSeries.MrPhoenixProtocol.asCoilSelectMeas[0].sCOILPLUGS.aulPlugId[3]": 238,
      "CsaSeries.MrPhoenixProtocol.asCoilSelectMeas[0].sCOILPLUGS.aulPlugId[4]": 186,
      "CsaSeries.MrPhoenixProtocol.asCoilSelectMeas[0].sCOILPLUGS.aulPlugId[5]": 187,
      "CsaSeries.MrPhoenixProtocol.asCoilSelectMeas[0].tNucleus": "1H",
      "CsaSeries.MrPhoenixProtocol.dAveragesDouble": 1,
      "CsaSeries.MrPhoenixProtocol.dRefSNR": 23297.92629,
      "CsaSeries.MrPhoenixProtocol.dRefSNR_VOI": 23195.29226,
      "CsaSeries.MrPhoenixProtocol.lAverages": 1,
      "CsaSeries.MrPhoenixProtocol.lCombinedEchoes": 1,
      "CsaSeries.MrPhoenixProtocol.lContrasts": 1,
      "CsaSeries.MrPhoenixProtocol.lParadigmPeriodicity": 3,
      "CsaSeries.MrPhoenixProtocol.lProtID": -741,
      "CsaSeries.MrPhoenixProtocol.lRepetitions": 148,
      "CsaSeries.MrPhoenixProtocol.lScanTimeSec": 673,
      "CsaSeries.MrPhoenixProtocol.lTOM": 1,
      "CsaSeries.MrPhoenixProtocol.lTotalScanTimeSec": 895,
      "CsaSeries.MrPhoenixProtocol.sAdjData.sAdjVolume.dPhaseFOV": 177,
      "CsaSeries.MrPhoenixProtocol.sAdjData.sAdjVolume.dReadoutFOV": 137,
      "CsaSeries.MrPhoenixProtocol.sAdjData.sAdjVolume.dThickness": 94,
      "CsaSeries.MrPhoenixProtocol.sAdjData.sAdjVolume.sNormal.dCor": 0.1412443193,
      "CsaSeries.MrPhoenixProtocol.sAdjData.sAdjVolume.sNormal.dTra": 0.9899747685,
      "CsaSeries.MrPhoenixProtocol.sAdjData.sAdjVolume.sPosition.dCor": -22.9510249,
      "CsaSeries.MrPhoenixProtocol.sAdjData.sAdjVolume.sPosition.dSag": 2.891566155,
      "CsaSeries.MrPhoenixProtocol.sAdjData.sAdjVolume.sPosition.dTra": 8.708604367,
      "CsaSeries.MrPhoenixProtocol.sAdjData.uiAdjFreMode": 1,
      "CsaSeries.MrPhoenixProtocol.sAdjData.uiAdjFreProtRelated": 1,
      "CsaSeries.MrPhoenixProtocol.sAdjData.uiAdjMDSMode": 1,
      "CsaSeries.MrPhoenixProtocol.sAdjData.uiAdjProtID": 134,
      "CsaSeries.MrPhoenixProtocol.sAdjData.uiAdjRFMapMode": 1,
      "CsaSeries.MrPhoenixProtocol.sAdjData.uiAdjShimMode": 2,
      "CsaSeries.MrPhoenixProtocol.sAdjData.uiAdjTableTolerance": 1,
      "CsaSeries.MrPhoenixProtocol.sAdjData.uiAdjTraWarningOverrideKey": 1727869003,
      "CsaSeries.MrPhoenixProtocol.sAdjData.uiAdjVolumeValid": 1,
      "CsaSeries.MrPhoenixProtocol.sAdjData.uiAdjWatSupMode": 1,
      "CsaSeries.MrPhoenixProtocol.sAngio.lDynamicReconMode": 1,
      "CsaSeries.MrPhoenixProtocol.sAngio.lTemporalInterpolation": 1,
      "CsaSeries.MrPhoenixProtocol.sAngio.ucPCFlowMode": 2,
      "CsaSeries.MrPhoenixProtocol.sAngio.ucTOFInflow": 4,
      "CsaSeries.MrPhoenixProtocol.sAsl.fFlowLimit": 100,
      "CsaSeries.MrPhoenixProtocol.sAsl.ulMode": 2,
      "CsaSeries.MrPhoenixProtocol.sAutoAlign.dAAMatrix[0]": 1,
      "CsaSeries.MrPhoenixProtocol.sAutoAlign.dAAMatrix[10]": 1,
      "CsaSeries.MrPhoenixProtocol.sAutoAlign.dAAMatrix[15]": 1,
      "CsaSeries.MrPhoenixProtocol.sAutoAlign.dAAMatrix[5]": 1,
      "CsaSeries.MrPhoenixProtocol.sBladePara.dBladeCoverage": 100,
      "CsaSeries.MrPhoenixProtocol.sBladePara.ucMotionCorr": 2,
      "CsaSeries.MrPhoenixProtocol.sDiffusion.ulMode": 1,
      "CsaSeries.MrPhoenixProtocol.sDistortionCorrFilter.ucMode": 1,
      "CsaSeries.MrPhoenixProtocol.sEFISPEC.bEFIDataValid": 1,
      "CsaSeries.MrPhoenixProtocol.sFastImaging.lEPIFactor": 128,
      "CsaSeries.MrPhoenixProtocol.sFastImaging.lEchoTrainDuration": 700,
      "CsaSeries.MrPhoenixProtocol.sFastImaging.lSegments": 1,
      "CsaSeries.MrPhoenixProtocol.sFastImaging.lShots": 1,
      "CsaSeries.MrPhoenixProtocol.sFastImaging.lSliceTurboFactor": 1,
      "CsaSeries.MrPhoenixProtocol.sFastImaging.lTurboFactor": 1,
      "CsaSeries.MrPhoenixProtocol.sFastImaging.ucSegmentationMode": 1,
      "CsaSeries.MrPhoenixProtocol.sFastImaging.ulEnableRFSpoiling": 1,
      "CsaSeries.MrPhoenixProtocol.sGRADSPEC.alShimCurrent[0]": 645,
      "CsaSeries.MrPhoenixProtocol.sGRADSPEC.alShimCurrent[1]": -55,
      "CsaSeries.MrPhoenixProtocol.sGRADSPEC.alShimCurrent[2]": 1094,
      "CsaSeries.MrPhoenixProtocol.sGRADSPEC.alShimCurrent[3]": 514,
      "CsaSeries.MrPhoenixProtocol.sGRADSPEC.alShimCurrent[4]": 121,
      "CsaSeries.MrPhoenixProtocol.sGRADSPEC.bB0CompensationValid": 1,
      "CsaSeries.MrPhoenixProtocol.sGRADSPEC.bCrossTermCompensationValid": 1,
      "CsaSeries.MrPhoenixProtocol.sGRADSPEC.bDelayValid": 1,
      "CsaSeries.MrPhoenixProtocol.sGRADSPEC.bEddyCompensationValid": 1,
      "CsaSeries.MrPhoenixProtocol.sGRADSPEC.bOffsetValid": 1,
      "CsaSeries.MrPhoenixProtocol.sGRADSPEC.bSensitivityValid": 1,
      "CsaSeries.MrPhoenixProtocol.sGRADSPEC.bShimCurrentValid": 1,
      "CsaSeries.MrPhoenixProtocol.sGRADSPEC.flSensitivityX": 0.000139217,
      "CsaSeries.MrPhoenixProtocol.sGRADSPEC.flSensitivityY": 0.000138525,
      "CsaSeries.MrPhoenixProtocol.sGRADSPEC.flSensitivityZ": 0.000138502,
      "CsaSeries.MrPhoenixProtocol.sGRADSPEC.lDelayX": 19,
      "CsaSeries.MrPhoenixProtocol.sGRADSPEC.lDelayY": 19,
      "CsaSeries.MrPhoenixProtocol.sGRADSPEC.lDelayZ": 15,
      "CsaSeries.MrPhoenixProtocol.sGRADSPEC.lOffsetX": 189,
      "CsaSeries.MrPhoenixProtocol.sGRADSPEC.lOffsetY": -75,
      "CsaSeries.MrPhoenixProtocol.sGRADSPEC.lOffsetZ": 473,
      "CsaSeries.MrPhoenixProtocol.sGRADSPEC.sB0CompensationX.aflAmplitude[0]": 0.0126227,
      "CsaSeries.MrPhoenixProtocol.sGRADSPEC.sB0CompensationX.aflAmplitude[1]": 0.0519637,
      "CsaSeries.MrPhoenixProtocol.sGRADSPEC.sB0CompensationX.aflAmplitude[2]": -0.0305273,
      "CsaSeries.MrPhoenixProtocol.sGRADSPEC.sB0CompensationX.aflTimeConstant[0]": 1.33434,
      "CsaSeries.MrPhoenixProtocol.sGRADSPEC.sB0CompensationX.aflTimeConstant[1]": 0.160708,
      "CsaSeries.MrPhoenixProtocol.sGRADSPEC.sB0CompensationX.aflTimeConstant[2]": 0.000631201,
      "CsaSeries.MrPhoenixProtocol.sGRADSPEC.sB0CompensationY.aflAmplitude[0]": -0.232369,
      "CsaSeries.MrPhoenixProtocol.sGRADSPEC.sB0CompensationY.aflAmplitude[1]": -0.0184253,
      "CsaSeries.MrPhoenixProtocol.sGRADSPEC.sB0CompensationY.aflAmplitude[2]": -0.0136875,
      "CsaSeries.MrPhoenixProtocol.sGRADSPEC.sB0CompensationY.aflTimeConstant[0]": 0.409858,
      "CsaSeries.MrPhoenixProtocol.sGRADSPEC.sB0CompensationY.aflTimeConstant[1]": 0.0243881,
      "CsaSeries.MrPhoenixProtocol.sGRADSPEC.sB0CompensationY.aflTimeConstant[2]": 0.00152985,
      "CsaSeries.MrPhoenixProtocol.sGRADSPEC.sB0CompensationZ.aflAmplitude[0]": 0.0371692,
      "CsaSeries.MrPhoenixProtocol.sGRADSPEC.sB0CompensationZ.aflAmplitude[1]": 0.240318,
      "CsaSeries.MrPhoenixProtocol.sGRADSPEC.sB0CompensationZ.aflAmplitude[2]": 0.0400357,
      "CsaSeries.MrPhoenixProtocol.sGRADSPEC.sB0CompensationZ.aflTimeConstant[0]": 1.81013,
      "CsaSeries.MrPhoenixProtocol.sGRADSPEC.sB0CompensationZ.aflTimeConstant[1]": 0.195788,
      "CsaSeries.MrPhoenixProtocol.sGRADSPEC.sB0CompensationZ.aflTimeConstant[2]": 0.000499809,
      "CsaSeries.MrPhoenixProtocol.sGRADSPEC.sCrossTermCompensationXY.aflAmplitude[0]": 0.00152367,
      "CsaSeries.MrPhoenixProtocol.sGRADSPEC.sCrossTermCompensationXY.aflTimeConstant[0]": 0.231246,
      "CsaSeries.MrPhoenixProtocol.sGRADSPEC.sCrossTermCompensationXZ.aflAmplitude[0]": 0.000337102,
      "CsaSeries.MrPhoenixProtocol.sGRADSPEC.sCrossTermCompensationXZ.aflTimeConstant[0]": 0.177521,
      "CsaSeries.MrPhoenixProtocol.sGRADSPEC.sCrossTermCompensationYX.aflAmplitude[0]": -0.000779063,
      "CsaSeries.MrPhoenixProtocol.sGRADSPEC.sCrossTermCompensationYX.aflTimeConstant[0]": 0.25747,
      "CsaSeries.MrPhoenixProtocol.sGRADSPEC.sCrossTermCompensationYZ.aflAmplitude[0]": -0.000937863,
      "CsaSeries.MrPhoenixProtocol.sGRADSPEC.sCrossTermCompensationYZ.aflTimeConstant[0]": 0.218392,
      "CsaSeries.MrPhoenixProtocol.sGRADSPEC.sCrossTermCompensationZX.aflAmplitude[0]": 0.000341034,
      "CsaSeries.MrPhoenixProtocol.sGRADSPEC.sCrossTermCompensationZX.aflTimeConstant[0]": 0.262665,
      "CsaSeries.MrPhoenixProtocol.sGRADSPEC.sCrossTermCompensationZY.aflAmplitude[0]": -0.000350929,
      "CsaSeries.MrPhoenixProtocol.sGRADSPEC.sCrossTermCompensationZY.aflTimeConstant[0]": 0.146698,
      "CsaSeries.MrPhoenixProtocol.sGRADSPEC.sEddyCompensationX.aflAmplitude[0]": 0.00190564,
      "CsaSeries.MrPhoenixProtocol.sGRADSPEC.sEddyCompensationX.aflAmplitude[1]": 0.0039414,
      "CsaSeries.MrPhoenixProtocol.sGRADSPEC.sEddyCompensationX.aflAmplitude[2]": 0.00202155,
      "CsaSeries.MrPhoenixProtocol.sGRADSPEC.sEddyCompensationX.aflAmplitude[3]": -0.0102678,
      "CsaSeries.MrPhoenixProtocol.sGRADSPEC.sEddyCompensationX.aflAmplitude[4]": 0.0126258,
      "CsaSeries.MrPhoenixProtocol.sGRADSPEC.sEddyCompensationX.aflTimeConstant[0]": 0.783891,
      "CsaSeries.MrPhoenixProtocol.sGRADSPEC.sEddyCompensationX.aflTimeConstant[1]": 0.153007,
      "CsaSeries.MrPhoenixProtocol.sGRADSPEC.sEddyCompensationX.aflTimeConstant[2]": 0.00300467,
      "CsaSeries.MrPhoenixProtocol.sGRADSPEC.sEddyCompensationX.aflTimeConstant[3]": 0.00112033,
      "CsaSeries.MrPhoenixProtocol.sGRADSPEC.sEddyCompensationX.aflTimeConstant[4]": 0.000736048,
      "CsaSeries.MrPhoenixProtocol.sGRADSPEC.sEddyCompensationY.aflAmplitude[0]": 0.000985751,
      "CsaSeries.MrPhoenixProtocol.sGRADSPEC.sEddyCompensationY.aflAmplitude[1]": 0.00418336,
      "CsaSeries.MrPhoenixProtocol.sGRADSPEC.sEddyCompensationY.aflAmplitude[2]": 0.00762771,
      "CsaSeries.MrPhoenixProtocol.sGRADSPEC.sEddyCompensationY.aflAmplitude[3]": 0.00103444,
      "CsaSeries.MrPhoenixProtocol.sGRADSPEC.sEddyCompensationY.aflAmplitude[4]": -0.000507538,
      "CsaSeries.MrPhoenixProtocol.sGRADSPEC.sEddyCompensationY.aflTimeConstant[0]": 1.50776,
      "CsaSeries.MrPhoenixProtocol.sGRADSPEC.sEddyCompensationY.aflTimeConstant[1]": 0.566235,
      "CsaSeries.MrPhoenixProtocol.sGRADSPEC.sEddyCompensationY.aflTimeConstant[2]": 0.165476,
      "CsaSeries.MrPhoenixProtocol.sGRADSPEC.sEddyCompensationY.aflTimeConstant[3]": 0.00907817,
      "CsaSeries.MrPhoenixProtocol.sGRADSPEC.sEddyCompensationY.aflTimeConstant[4]": 0.00199974,
      "CsaSeries.MrPhoenixProtocol.sGRADSPEC.sEddyCompensationZ.aflAmplitude[0]": 0.00111591,
      "CsaSeries.MrPhoenixProtocol.sGRADSPEC.sEddyCompensationZ.aflAmplitude[1]": 0.00254629,
      "CsaSeries.MrPhoenixProtocol.sGRADSPEC.sEddyCompensationZ.aflAmplitude[2]": 0.0137894,
      "CsaSeries.MrPhoenixProtocol.sGRADSPEC.sEddyCompensationZ.aflAmplitude[3]": 0.000419514,
      "CsaSeries.MrPhoenixProtocol.sGRADSPEC.sEddyCompensationZ.aflAmplitude[4]": 0.00303652,
      "CsaSeries.MrPhoenixProtocol.sGRADSPEC.sEddyCompensationZ.aflTimeConstant[0]": 1.34573,
      "CsaSeries.MrPhoenixProtocol.sGRADSPEC.sEddyCompensationZ.aflTimeConstant[1]": 0.542136,
      "CsaSeries.MrPhoenixProtocol.sGRADSPEC.sEddyCompensationZ.aflTimeConstant[2]": 0.164548,
      "CsaSeries.MrPhoenixProtocol.sGRADSPEC.sEddyCompensationZ.aflTimeConstant[3]": 0.00671132,
      "CsaSeries.MrPhoenixProtocol.sGRADSPEC.sEddyCompensationZ.aflTimeConstant[4]": 0.000507549,
      "CsaSeries.MrPhoenixProtocol.sGRADSPEC.ucMode": 1,
      "CsaSeries.MrPhoenixProtocol.sGroupArray.anMember[1]": -1,
      "CsaSeries.MrPhoenixProtocol.sGroupArray.asGroup[0].dDistFact": 0.5,
      "CsaSeries.MrPhoenixProtocol.sGroupArray.asGroup[0].nSize": 1,
      "CsaSeries.MrPhoenixProtocol.sGroupArray.lSize": 1,
      "CsaSeries.MrPhoenixProtocol.sGroupArray.sPSat.dGap": 25,
      "CsaSeries.MrPhoenixProtocol.sGroupArray.sPSat.dThickness": 100,
      "CsaSeries.MrPhoenixProtocol.sGroupArray.sPSat.nCount": 1,
      "CsaSeries.MrPhoenixProtocol.sIR.lScanNumber": 1,
      "CsaSeries.MrPhoenixProtocol.sKSpace.dAngioDynCentralRegionA": 20,
      "CsaSeries.MrPhoenixProtocol.sKSpace.dAngioDynSamplingDensityB": 25,
      "CsaSeries.MrPhoenixProtocol.sKSpace.dPhaseResolution": 1,
      "CsaSeries.MrPhoenixProtocol.sKSpace.dSeqPhasePartialFourierForSNR": 1,
      "CsaSeries.MrPhoenixProtocol.sKSpace.dSliceResolution": 1,
      "CsaSeries.MrPhoenixProtocol.sKSpace.lBaseResolution": 170,
      "CsaSeries.MrPhoenixProtocol.sKSpace.lImagesPerSlab": 112,
      "CsaSeries.MrPhoenixProtocol.sKSpace.lLinesPerShot": 1,
      "CsaSeries.MrPhoenixProtocol.sKSpace.lPartitions": 112,
      "CsaSeries.MrPhoenixProtocol.sKSpace.lPhaseEncodingLines": 227,
      "CsaSeries.MrPhoenixProtocol.sKSpace.lRadialInterleavesPerImage": 2,
      "CsaSeries.MrPhoenixProtocol.sKSpace.lRadialViews": 64,
      "CsaSeries.MrPhoenixProtocol.sKSpace.ucAsymmetricEchoMode": 1,
      "CsaSeries.MrPhoenixProtocol.sKSpace.ucAveragingMode": 2,
      "CsaSeries.MrPhoenixProtocol.sKSpace.ucDimension": 4,
      "CsaSeries.MrPhoenixProtocol.sKSpace.ucMultiSliceMode": 2,
      "CsaSeries.MrPhoenixProtocol.sKSpace.ucPOCS": 1,
      "CsaSeries.MrPhoenixProtocol.sKSpace.ucPhasePartialFourier": 4,
      "CsaSeries.MrPhoenixProtocol.sKSpace.ucSlicePartialFourier": 16,
      "CsaSeries.MrPhoenixProtocol.sKSpace.ucTrajectory": 1,
      "CsaSeries.MrPhoenixProtocol.sKSpace.ucViewSharing": 1,
      "CsaSeries.MrPhoenixProtocol.sKSpace.unReordering": 1,
      "CsaSeries.MrPhoenixProtocol.sMDS.dMdsRangeExtension": 600,
      "CsaSeries.MrPhoenixProtocol.sMDS.lTableSpeedNumerator": 1,
      "CsaSeries.MrPhoenixProtocol.sMDS.lmdsLinesPerSegment": 15,
      "CsaSeries.MrPhoenixProtocol.sMDS.sMdsEndPosSBCS_mm.dTra": 600,
      "CsaSeries.MrPhoenixProtocol.sMDS.ulMdsModeMask": 1,
      "CsaSeries.MrPhoenixProtocol.sMDS.ulMdsReconMode": 1,
      "CsaSeries.MrPhoenixProtocol.sMDS.ulMdsVariableResolution": 1,
      "CsaSeries.MrPhoenixProtocol.sNavigatorPara.lBreathHoldMeas": 1,
      "CsaSeries.MrPhoenixProtocol.sNavigatorPara.lRespComp": 4,
      "CsaSeries.MrPhoenixProtocol.sParametricMapping.ucParametricMap": 1,
      "CsaSeries.MrPhoenixProtocol.sPat.lAccelFact3D": 1,
      "CsaSeries.MrPhoenixProtocol.sPat.lAccelFactPE": 6,
      "CsaSeries.MrPhoenixProtocol.sPat.lRefLines3D": 24,
      "CsaSeries.MrPhoenixProtocol.sPat.lRefLinesPE": 90,
      "CsaSeries.MrPhoenixProtocol.sPat.ucPATMode": 2,
      "CsaSeries.MrPhoenixProtocol.sPat.ucRefScanMode": 4,
      "CsaSeries.MrPhoenixProtocol.sPat.ucTPatAverageAllFrames": 1,
      "CsaSeries.MrPhoenixProtocol.sPhysioImaging.lMethod1": 1,
      "CsaSeries.MrPhoenixProtocol.sPhysioImaging.lMethod2": 1,
      "CsaSeries.MrPhoenixProtocol.sPhysioImaging.lPhases": 1,
      "CsaSeries.MrPhoenixProtocol.sPhysioImaging.lRetroGatedImages": 16,
      "CsaSeries.MrPhoenixProtocol.sPhysioImaging.lSignal1": 1,
      "CsaSeries.MrPhoenixProtocol.sPhysioImaging.lSignal2": 1,
      "CsaSeries.MrPhoenixProtocol.sPhysioImaging.sPhysioECG.lArrhythmiaDetection": 1,
      "CsaSeries.MrPhoenixProtocol.sPhysioImaging.sPhysioECG.lCardiacGateOffThreshold": 700000,
      "CsaSeries.MrPhoenixProtocol.sPhysioImaging.sPhysioECG.lCardiacGateOnThreshold": 100000,
      "CsaSeries.MrPhoenixProtocol.sPhysioImaging.sPhysioECG.lTriggerIntervals": 1,
      "CsaSeries.MrPhoenixProtocol.sPhysioImaging.sPhysioECG.lTriggerPulses": 1,
      "CsaSeries.MrPhoenixProtocol.sPhysioImaging.sPhysioECG.lTriggerWindow": 5,
      "CsaSeries.MrPhoenixProtocol.sPhysioImaging.sPhysioExt.lArrhythmiaDetection": 1,
      "CsaSeries.MrPhoenixProtocol.sPhysioImaging.sPhysioExt.lCardiacGateOffThreshold": 700000,
      "CsaSeries.MrPhoenixProtocol.sPhysioImaging.sPhysioExt.lCardiacGateOnThreshold": 100000,
      "CsaSeries.MrPhoenixProtocol.sPhysioImaging.sPhysioExt.lTriggerIntervals": 1,
      "CsaSeries.MrPhoenixProtocol.sPhysioImaging.sPhysioExt.lTriggerPulses": 1,
      "CsaSeries.MrPhoenixProtocol.sPhysioImaging.sPhysioExt.lTriggerWindow": 5,
      "CsaSeries.MrPhoenixProtocol.sPhysioImaging.sPhysioNative.ucFlowSenMode": 1,
      "CsaSeries.MrPhoenixProtocol.sPhysioImaging.sPhysioNative.ucMode": 1,
      "CsaSeries.MrPhoenixProtocol.sPhysioImaging.sPhysioPulse.lArrhythmiaDetection": 1,
      "CsaSeries.MrPhoenixProtocol.sPhysioImaging.sPhysioPulse.lCardiacGateOffThreshold": 700000,
      "CsaSeries.MrPhoenixProtocol.sPhysioImaging.sPhysioPulse.lCardiacGateOnThreshold": 100000,
      "CsaSeries.MrPhoenixProtocol.sPhysioImaging.sPhysioPulse.lTriggerIntervals": 1,
      "CsaSeries.MrPhoenixProtocol.sPhysioImaging.sPhysioPulse.lTriggerPulses": 1,
      "CsaSeries.MrPhoenixProtocol.sPhysioImaging.sPhysioPulse.lTriggerWindow": 5,
      "CsaSeries.MrPhoenixProtocol.sPhysioImaging.sPhysioResp.dGatingRatio": 0.3,
      "CsaSeries.MrPhoenixProtocol.sPhysioImaging.sPhysioResp.lRespGatePhase": 2,
      "CsaSeries.MrPhoenixProtocol.sPhysioImaging.sPhysioResp.lRespGateThreshold": 20,
      "CsaSeries.MrPhoenixProtocol.sPrepPulses.dDarkBloodFlipAngle": 200,
      "CsaSeries.MrPhoenixProtocol.sPrepPulses.dDarkBloodThickness": 200,
      "CsaSeries.MrPhoenixProtocol.sPrepPulses.dIRPulseThicknessFactor": 0.77,
      "CsaSeries.MrPhoenixProtocol.sPrepPulses.dT2PrepDuration": 40,
      "CsaSeries.MrPhoenixProtocol.sPrepPulses.ucFatSat": 1,
      "CsaSeries.MrPhoenixProtocol.sPrepPulses.ucFatSatMode": 2,
      "CsaSeries.MrPhoenixProtocol.sPrepPulses.ucInversion": 4,
      "CsaSeries.MrPhoenixProtocol.sPrepPulses.ucSatRecovery": 1,
      "CsaSeries.MrPhoenixProtocol.sPrepPulses.ucT2Prep": 1,
      "CsaSeries.MrPhoenixProtocol.sPrepPulses.ucTIScout": 1,
      "CsaSeries.MrPhoenixProtocol.sPrepPulses.ucWaterSat": 4,
      "CsaSeries.MrPhoenixProtocol.sProtConsistencyInfo.flGMax": 40,
      "CsaSeries.MrPhoenixProtocol.sProtConsistencyInfo.flNominalB0": 6.98,
      "CsaSeries.MrPhoenixProtocol.sProtConsistencyInfo.flRiseTime": 5,
      "CsaSeries.MrPhoenixProtocol.sProtConsistencyInfo.lMaximumNofRxReceiverChannels": 32,
      "CsaSeries.MrPhoenixProtocol.sProtConsistencyInfo.tBaselineString": "N4_VB17A_LATEST_20090307",
      "CsaSeries.MrPhoenixProtocol.sProtConsistencyInfo.tSystemType": "095",
      "CsaSeries.MrPhoenixProtocol.sRSatArray.asElm[0].dThickness": 100,
      "CsaSeries.MrPhoenixProtocol.sRSatArray.asElm[0].sNormal.dCor": 0.04361938743,
      "CsaSeries.MrPhoenixProtocol.sRSatArray.asElm[0].sNormal.dTra": 0.9990482216,
      "CsaSeries.MrPhoenixProtocol.sRSatArray.asElm[0].sPosition.dCor": -31.17568366,
      "CsaSeries.MrPhoenixProtocol.sRSatArray.asElm[0].sPosition.dSag": 2.409638463,
      "CsaSeries.MrPhoenixProtocol.sRSatArray.asElm[0].sPosition.dTra": -114.4106195,
      "CsaSeries.MrPhoenixProtocol.sRSatArray.lSize": 1,
      "CsaSeries.MrPhoenixProtocol.sRXSPEC.alDwellTime[0]": 3000,
      "CsaSeries.MrPhoenixProtocol.sRXSPEC.alDwellTime[10]": 3800,
      "CsaSeries.MrPhoenixProtocol.sRXSPEC.alDwellTime[11]": 3800,
      "CsaSeries.MrPhoenixProtocol.sRXSPEC.alDwellTime[12]": 3800,
      "CsaSeries.MrPhoenixProtocol.sRXSPEC.alDwellTime[13]": 3800,
      "CsaSeries.MrPhoenixProtocol.sRXSPEC.alDwellTime[14]": 3800,
      "CsaSeries.MrPhoenixProtocol.sRXSPEC.alDwellTime[1]": 3800,
      "CsaSeries.MrPhoenixProtocol.sRXSPEC.alDwellTime[2]": 3800,
      "CsaSeries.MrPhoenixProtocol.sRXSPEC.alDwellTime[3]": 3800,
      "CsaSeries.MrPhoenixProtocol.sRXSPEC.alDwellTime[4]": 3800,
      "CsaSeries.MrPhoenixProtocol.sRXSPEC.alDwellTime[5]": 3800,
      "CsaSeries.MrPhoenixProtocol.sRXSPEC.alDwellTime[6]": 3800,
      "CsaSeries.MrPhoenixProtocol.sRXSPEC.alDwellTime[7]": 3800,
      "CsaSeries.MrPhoenixProtocol.sRXSPEC.alDwellTime[8]": 3800,
      "CsaSeries.MrPhoenixProtocol.sRXSPEC.alDwellTime[9]": 3800,
      "CsaSeries.MrPhoenixProtocol.sRXSPEC.bGainValid": 1,
      "CsaSeries.MrPhoenixProtocol.sRXSPEC.lGain": 1,
      "CsaSeries.MrPhoenixProtocol.sSliceArray.asSlice[0].dPhaseFOV": 184.3894118,
      "CsaSeries.MrPhoenixProtocol.sSliceArray.asSlice[0].dReadoutFOV": 138.7,
      "CsaSeries.MrPhoenixProtocol.sSliceArray.asSlice[0].dThickness": 97.44,
      "CsaSeries.MrPhoenixProtocol.sSliceArray.asSlice[0].sNormal.dCor": 0.04361938743,
      "CsaSeries.MrPhoenixProtocol.sSliceArray.asSlice[0].sNormal.dTra": 0.9990482216,
      "CsaSeries.MrPhoenixProtocol.sSliceArray.asSlice[0].sPosition.dCor": -25.77909305,
      "CsaSeries.MrPhoenixProtocol.sSliceArray.asSlice[0].sPosition.dSag": 2.409638463,
      "CsaSeries.MrPhoenixProtocol.sSliceArray.asSlice[0].sPosition.dTra": 9.191626489,
      "CsaSeries.MrPhoenixProtocol.sSliceArray.lConc": 1,
      "CsaSeries.MrPhoenixProtocol.sSliceArray.lSize": 1,
      "CsaSeries.MrPhoenixProtocol.sSliceArray.sTSat.dThickness": 50,
      "CsaSeries.MrPhoenixProtocol.sSliceArray.ucMode": 1,
      "CsaSeries.MrPhoenixProtocol.sSpecPara.lAutoRefScanNo": 1,
      "CsaSeries.MrPhoenixProtocol.sSpecPara.lDecouplingType": 1,
      "CsaSeries.MrPhoenixProtocol.sSpecPara.lExcitationType": 1,
      "CsaSeries.MrPhoenixProtocol.sSpecPara.lNOEType": 1,
      "CsaSeries.MrPhoenixProtocol.sSpecPara.lPhaseCyclingType": 1,
      "CsaSeries.MrPhoenixProtocol.sSpecPara.lPhaseEncodingType": 1,
      "CsaSeries.MrPhoenixProtocol.sSpecPara.lRFExcitationBandwidth": 1,
      "CsaSeries.MrPhoenixProtocol.sSpecPara.lSpecAppl": 1,
      "CsaSeries.MrPhoenixProtocol.sSpecPara.lSpectralSuppression": 1,
      "CsaSeries.MrPhoenixProtocol.sSpecPara.ucRemoveOversampling": 1,
      "CsaSeries.MrPhoenixProtocol.sTXSPEC.aRFPULSE[0].bAmplitudeValid": 1,
      "CsaSeries.MrPhoenixProtocol.sTXSPEC.aRFPULSE[0].flAmplitude": 156.005,
      "CsaSeries.MrPhoenixProtocol.sTXSPEC.aRFPULSE[0].tName": "SincRFPulse",
      "CsaSeries.MrPhoenixProtocol.sTXSPEC.aRFPULSE[1].bAmplitudeValid": 1,
      "CsaSeries.MrPhoenixProtocol.sTXSPEC.aRFPULSE[1].flAmplitude": 31.9653,
      "CsaSeries.MrPhoenixProtocol.sTXSPEC.aRFPULSE[1].tName": "SRFpresc",
      "CsaSeries.MrPhoenixProtocol.sTXSPEC.aRFPULSE[2].bAmplitudeValid": 1,
      "CsaSeries.MrPhoenixProtocol.sTXSPEC.aRFPULSE[2].flAmplitude": 110.93,
      "CsaSeries.MrPhoenixProtocol.sTXSPEC.aRFPULSE[2].tName": "PaslFSCSatNS",
      "CsaSeries.MrPhoenixProtocol.sTXSPEC.aRFPULSE[3].bAmplitudeValid": 1,
      "CsaSeries.MrPhoenixProtocol.sTXSPEC.aRFPULSE[3].flAmplitude": 153.907,
      "CsaSeries.MrPhoenixProtocol.sTXSPEC.aRFPULSE[3].tName": "PaslPre0x21",
      "CsaSeries.MrPhoenixProtocol.sTXSPEC.aRFPULSE[4].bAmplitudeValid": 1,
      "CsaSeries.MrPhoenixProtocol.sTXSPEC.aRFPULSE[4].flAmplitude": 254.864,
      "CsaSeries.MrPhoenixProtocol.sTXSPEC.aRFPULSE[4].tName": "PaslInv0x30L",
      "CsaSeries.MrPhoenixProtocol.sTXSPEC.aRFPULSE[5].bAmplitudeValid": 1,
      "CsaSeries.MrPhoenixProtocol.sTXSPEC.aRFPULSE[5].flAmplitude": 254.864,
      "CsaSeries.MrPhoenixProtocol.sTXSPEC.aRFPULSE[5].tName": "PaslInv0x30C",
      "CsaSeries.MrPhoenixProtocol.sTXSPEC.aRFPULSE[6].bAmplitudeValid": 1,
      "CsaSeries.MrPhoenixProtocol.sTXSPEC.aRFPULSE[6].flAmplitude": 138.861,
      "CsaSeries.MrPhoenixProtocol.sTXSPEC.aRFPULSE[6].tName": "PaslPeri0x20",
      "CsaSeries.MrPhoenixProtocol.sTXSPEC.aRFPULSE[7].bAmplitudeValid": 1,
      "CsaSeries.MrPhoenixProtocol.sTXSPEC.aRFPULSE[7].flAmplitude": 245.282,
      "CsaSeries.MrPhoenixProtocol.sTXSPEC.aRFPULSE[7].tName": "RSatRSatSS",
      "CsaSeries.MrPhoenixProtocol.sTXSPEC.asNucleusInfo[0].bAmplitudeCorrectionValid": 1,
      "CsaSeries.MrPhoenixProtocol.sTXSPEC.asNucleusInfo[0].bFrequencyValid": 1,
      "CsaSeries.MrPhoenixProtocol.sTXSPEC.asNucleusInfo[0].bRFPAIndexValid": 1,
      "CsaSeries.MrPhoenixProtocol.sTXSPEC.asNucleusInfo[0].bReferenceAmplitudeValid": 1,
      "CsaSeries.MrPhoenixProtocol.sTXSPEC.asNucleusInfo[0].flAmplitudeCorrection": 1,
      "CsaSeries.MrPhoenixProtocol.sTXSPEC.asNucleusInfo[0].flReferenceAmplitude": 225,
      "CsaSeries.MrPhoenixProtocol.sTXSPEC.asNucleusInfo[0].lFrequency": 297205212,
      "CsaSeries.MrPhoenixProtocol.sTXSPEC.asNucleusInfo[0].tNucleus": "1H",
      "CsaSeries.MrPhoenixProtocol.sTXSPEC.asNucleusInfo[0].ucManualReferenceAmplitudeValid": 1,
      "CsaSeries.MrPhoenixProtocol.sTXSPEC.asNucleusInfo[1].bAmplitudeCorrectionValid": 1,
      "CsaSeries.MrPhoenixProtocol.sTXSPEC.asNucleusInfo[1].bFrequencyValid": 1,
      "CsaSeries.MrPhoenixProtocol.sTXSPEC.asNucleusInfo[1].bRFPAIndexValid": 1,
      "CsaSeries.MrPhoenixProtocol.sTXSPEC.asNucleusInfo[1].bReferenceAmplitudeValid": 1,
      "CsaSeries.MrPhoenixProtocol.sTXSPEC.asNucleusInfo[1].flAmplitudeCorrection": 1,
      "CsaSeries.MrPhoenixProtocol.sTXSPEC.asNucleusInfo[1].lRFPAIndex": -1,
      "CsaSeries.MrPhoenixProtocol.sTXSPEC.bKDynValid": 1,
      "CsaSeries.MrPhoenixProtocol.sTXSPEC.flKDynMagnitudeClipHigh": 1,
      "CsaSeries.MrPhoenixProtocol.sTXSPEC.flKDynMagnitudeClipLow": 1,
      "CsaSeries.MrPhoenixProtocol.sTXSPEC.flKDynMagnitudeMax": 1.5,
      "CsaSeries.MrPhoenixProtocol.sTXSPEC.flKDynMagnitudeMin": 0.5,
      "CsaSeries.MrPhoenixProtocol.sTXSPEC.flKDynPhaseClip": 0.174533,
      "CsaSeries.MrPhoenixProtocol.sTXSPEC.flKDynPhaseMax": 0.698132,
      "CsaSeries.MrPhoenixProtocol.sTXSPEC.lBCExcitationMode": 1,
      "CsaSeries.MrPhoenixProtocol.sTXSPEC.lBCSeqExcitationMode": 4,
      "CsaSeries.MrPhoenixProtocol.sTXSPEC.lNoOfTraPulses": 8,
      "CsaSeries.MrPhoenixProtocol.sTXSPEC.ucBCExcitationModeValid": 1,
      "CsaSeries.MrPhoenixProtocol.sTXSPEC.ucExcitMode": 1,
      "CsaSeries.MrPhoenixProtocol.sTXSPEC.ucRFPulseType": 2,
      "CsaSeries.MrPhoenixProtocol.sTXSPEC.ucSimultaneousExcitation": 1,
      "CsaSeries.MrPhoenixProtocol.sWiPMemBlock.adFree[0]": 1,
      "CsaSeries.MrPhoenixProtocol.sWiPMemBlock.adFree[1]": 3,
      "CsaSeries.MrPhoenixProtocol.sWiPMemBlock.adFree[3]": 2560,
      "CsaSeries.MrPhoenixProtocol.sWiPMemBlock.adFree[4]": 8,
      "CsaSeries.MrPhoenixProtocol.sWiPMemBlock.alFree[0]": 120,
      "CsaSeries.MrPhoenixProtocol.sWiPMemBlock.alFree[10]": 112,
      "CsaSeries.MrPhoenixProtocol.sWiPMemBlock.alFree[11]": 3,
      "CsaSeries.MrPhoenixProtocol.sWiPMemBlock.alFree[12]": 1,
      "CsaSeries.MrPhoenixProtocol.sWiPMemBlock.alFree[13]": 4,
      "CsaSeries.MrPhoenixProtocol.sWiPMemBlock.alFree[14]": 170,
      "CsaSeries.MrPhoenixProtocol.sWiPMemBlock.alFree[15]": 103,
      "CsaSeries.MrPhoenixProtocol.sWiPMemBlock.alFree[16]": 6100,
      "CsaSeries.MrPhoenixProtocol.sWiPMemBlock.alFree[17]": 5,
      "CsaSeries.MrPhoenixProtocol.sWiPMemBlock.alFree[18]": 2,
      "CsaSeries.MrPhoenixProtocol.sWiPMemBlock.alFree[1]": 9,
      "CsaSeries.MrPhoenixProtocol.sWiPMemBlock.alFree[20]": 3,
      "CsaSeries.MrPhoenixProtocol.sWiPMemBlock.alFree[2]": 1,
      "CsaSeries.MrPhoenixProtocol.sWiPMemBlock.alFree[3]": 2,
      "CsaSeries.MrPhoenixProtocol.sWiPMemBlock.alFree[40]": 2,
      "CsaSeries.MrPhoenixProtocol.sWiPMemBlock.alFree[41]": 90,
      "CsaSeries.MrPhoenixProtocol.sWiPMemBlock.alFree[42]": 24,
      "CsaSeries.MrPhoenixProtocol.sWiPMemBlock.alFree[43]": 2,
      "CsaSeries.MrPhoenixProtocol.sWiPMemBlock.alFree[44]": 6,
      "CsaSeries.MrPhoenixProtocol.sWiPMemBlock.alFree[45]": 3,
      "CsaSeries.MrPhoenixProtocol.sWiPMemBlock.alFree[46]": 1,
      "CsaSeries.MrPhoenixProtocol.sWiPMemBlock.alFree[47]": 2,
      "CsaSeries.MrPhoenixProtocol.sWiPMemBlock.alFree[48]": 2,
      "CsaSeries.MrPhoenixProtocol.sWiPMemBlock.alFree[4]": 1,
      "CsaSeries.MrPhoenixProtocol.sWiPMemBlock.alFree[50]": 2,
      "CsaSeries.MrPhoenixProtocol.sWiPMemBlock.alFree[51]": 3,
      "CsaSeries.MrPhoenixProtocol.sWiPMemBlock.alFree[5]": 2,
      "CsaSeries.MrPhoenixProtocol.sWiPMemBlock.alFree[6]": 1,
      "CsaSeries.MrPhoenixProtocol.sWiPMemBlock.alFree[7]": 1,
      "CsaSeries.MrPhoenixProtocol.sWiPMemBlock.alFree[8]": 52,
      "CsaSeries.MrPhoenixProtocol.sWiPMemBlock.alFree[9]": 672627,
      "CsaSeries.MrPhoenixProtocol.tProtocolName": "VASO160+AF8-G6C2+AF8-Gfast",
      "CsaSeries.MrPhoenixProtocol.tReferenceImage0": "1.3.12.2.1107.5.2.34.18930.2021092015453081076571926",
      "CsaSeries.MrPhoenixProtocol.tReferenceImage1": "1.3.12.2.1107.5.2.34.18930.2021092015460080513371966",
      "CsaSeries.MrPhoenixProtocol.tReferenceImage2": "1.3.12.2.1107.5.2.34.18930.2021092015461580997471986",
      "CsaSeries.MrPhoenixProtocol.tSequenceFileName": "%CustomerSeq%\\VASO_160",
      "CsaSeries.MrPhoenixProtocol.tdefaultEVAProt": "%CustomerSeq%\\LAY_evaprot_WIP.evp",
      "CsaSeries.MrPhoenixProtocol.ucAAMode": 1,
      "CsaSeries.MrPhoenixProtocol.ucAARefMode": 1,
      "CsaSeries.MrPhoenixProtocol.ucAARegionMode": 1,
      "CsaSeries.MrPhoenixProtocol.ucAutoAlignInit": 1,
      "CsaSeries.MrPhoenixProtocol.ucBOLDParadigmArray[0]": 154,
      "CsaSeries.MrPhoenixProtocol.ucBOLDParadigmArray[10]": 166,
      "CsaSeries.MrPhoenixProtocol.ucBOLDParadigmArray[11]": 105,
      "CsaSeries.MrPhoenixProtocol.ucBOLDParadigmArray[12]": 154,
      "CsaSeries.MrPhoenixProtocol.ucBOLDParadigmArray[13]": 166,
      "CsaSeries.MrPhoenixProtocol.ucBOLDParadigmArray[14]": 105,
      "CsaSeries.MrPhoenixProtocol.ucBOLDParadigmArray[15]": 154,
      "CsaSeries.MrPhoenixProtocol.ucBOLDParadigmArray[16]": 166,
      "CsaSeries.MrPhoenixProtocol.ucBOLDParadigmArray[17]": 105,
      "CsaSeries.MrPhoenixProtocol.ucBOLDParadigmArray[18]": 154,
      "CsaSeries.MrPhoenixProtocol.ucBOLDParadigmArray[19]": 166,
      "CsaSeries.MrPhoenixProtocol.ucBOLDParadigmArray[1]": 166,
      "CsaSeries.MrPhoenixProtocol.ucBOLDParadigmArray[20]": 105,
      "CsaSeries.MrPhoenixProtocol.ucBOLDParadigmArray[21]": 154,
      "CsaSeries.MrPhoenixProtocol.ucBOLDParadigmArray[22]": 166,
      "CsaSeries.MrPhoenixProtocol.ucBOLDParadigmArray[23]": 105,
      "CsaSeries.MrPhoenixProtocol.ucBOLDParadigmArray[24]": 154,
      "CsaSeries.MrPhoenixProtocol.ucBOLDParadigmArray[25]": 166,
      "CsaSeries.MrPhoenixProtocol.ucBOLDParadigmArray[26]": 105,
      "CsaSeries.MrPhoenixProtocol.ucBOLDParadigmArray[27]": 154,
      "CsaSeries.MrPhoenixProtocol.ucBOLDParadigmArray[28]": 166,
      "CsaSeries.MrPhoenixProtocol.ucBOLDParadigmArray[29]": 105,
      "CsaSeries.MrPhoenixProtocol.ucBOLDParadigmArray[2]": 105,
      "CsaSeries.MrPhoenixProtocol.ucBOLDParadigmArray[30]": 154,
      "CsaSeries.MrPhoenixProtocol.ucBOLDParadigmArray[31]": 166,
      "CsaSeries.MrPhoenixProtocol.ucBOLDParadigmArray[32]": 105,
      "CsaSeries.MrPhoenixProtocol.ucBOLDParadigmArray[33]": 154,
      "CsaSeries.MrPhoenixProtocol.ucBOLDParadigmArray[34]": 166,
      "CsaSeries.MrPhoenixProtocol.ucBOLDParadigmArray[35]": 105,
      "CsaSeries.MrPhoenixProtocol.ucBOLDParadigmArray[36]": 154,
      "CsaSeries.MrPhoenixProtocol.ucBOLDParadigmArray[37]": 2,
      "CsaSeries.MrPhoenixProtocol.ucBOLDParadigmArray[3]": 154,
      "CsaSeries.MrPhoenixProtocol.ucBOLDParadigmArray[4]": 166,
      "CsaSeries.MrPhoenixProtocol.ucBOLDParadigmArray[5]": 105,
      "CsaSeries.MrPhoenixProtocol.ucBOLDParadigmArray[6]": 154,
      "CsaSeries.MrPhoenixProtocol.ucBOLDParadigmArray[7]": 166,
      "CsaSeries.MrPhoenixProtocol.ucBOLDParadigmArray[8]": 105,
      "CsaSeries.MrPhoenixProtocol.ucBOLDParadigmArray[9]": 154,
      "CsaSeries.MrPhoenixProtocol.ucBold3dPace": 1,
      "CsaSeries.MrPhoenixProtocol.ucCineMode": 1,
      "CsaSeries.MrPhoenixProtocol.ucCoilCombineMode": 1,
      "CsaSeries.MrPhoenixProtocol.ucDisableChangeStoreImages": 1,
      "CsaSeries.MrPhoenixProtocol.ucDixon": 1,
      "CsaSeries.MrPhoenixProtocol.ucDixonSaveOriginal": 1,
      "CsaSeries.MrPhoenixProtocol.ucEnableIntro": 1,
      "CsaSeries.MrPhoenixProtocol.ucEnableNoiseAdjust": 1,
      "CsaSeries.MrPhoenixProtocol.ucFlipAngleMode": 1,
      "CsaSeries.MrPhoenixProtocol.ucForcePositioningOnNDIS": 1,
      "CsaSeries.MrPhoenixProtocol.ucInteractiveRealtime": 1,
      "CsaSeries.MrPhoenixProtocol.ucInternalTablePosValid": 1,
      "CsaSeries.MrPhoenixProtocol.ucOneSeriesForAllMeas": 1,
      "CsaSeries.MrPhoenixProtocol.ucPHAPSMode": 1,
      "CsaSeries.MrPhoenixProtocol.ucReadOutMode": 1,
      "CsaSeries.MrPhoenixProtocol.ucReconstructionMode": 1,
      "CsaSeries.MrPhoenixProtocol.ucScanRegionPosValid": 1,
      "CsaSeries.MrPhoenixProtocol.ucSequenceType": 4,
      "CsaSeries.MrPhoenixProtocol.ucTablePositioningMode": 1,
      "CsaSeries.MrPhoenixProtocol.ulVersion": 21710006,
      "CsaSeries.MrProtocolVersion": 21710006,
      "CsaSeries.NumberOfPrescans": 0,
      "CsaSeries.Operation_mode_flag": -1,
      "CsaSeries.PATModeText": "p6",
      "CsaSeries.PatReinPattern": "1;HFS;60.00;20.00;2;0;-1;-1345979119",
      "CsaSeries.PhaseGradientAmplitude": 0.0,
      "CsaSeries.PositivePCSDirections": "+LPH",
      "CsaSeries.ProtocolChangeHistory": 0,
      "CsaSeries.RFSWDMostCriticalAspect": "<unknown>",
      "CsaSeries.RFSWDOperationMode": -1,
      "CsaSeries.ReadoutGradientAmplitude": 0.0,
      "CsaSeries.ReadoutOS": 2.0,
      "CsaSeries.RelTablePosition": [
        0,
        0,
        0
      ],
      "CsaSeries.RfWatchdogMask": 0,
      "CsaSeries.SARMostCriticalAspect": [
        0.0,
        0.0,
        0.0
      ],
      "CsaSeries.SW_korr_faktor": 0.0,
      "CsaSeries.Sed": [
        0.0,
        0.0,
        0.0
      ],
      "CsaSeries.SelectionGradientAmplitude": 0.0,
      "CsaSeries.SequenceFileOwner": "Renzo plays",
      "CsaSeries.SliceArrayConcatenations": 1,
      "CsaSeries.SliceResolution": 1.0,
      "CsaSeries.Stim_faktor": 0.0,
      "CsaSeries.Stim_lim": [
        0.0,
        0.0,
        0.0
      ],
      "CsaSeries.Stim_max_ges_norm_online": 0.0,
      "CsaSeries.Stim_max_online": [
        0.0,
        0.0,
        0.0
      ],
      "CsaSeries.Stim_mon_mode": 0,
      "CsaSeries.TablePositionOrigin": [
        0,
        0,
        -2072
      ],
      "CsaSeries.TalesReferencePower": 8.8,
      "CsaSeries.TransmitterCalibration": 225.0,
      "CsaSeries.dBdt_limit": 0.0,
      "CsaSeries.dBdt_max": 0.0,
      "CsaSeries.dBdt_thresh": 0.0,
      "CsaSeries.t_puls_max": 0.0,
      "EchoNumbers": 1,
      "EchoTime": 0.0,
      "EchoTrainLength": 1,
      "FlipAngle": 40.0,
      "HighBit": 11,
      "ImageOrientationPatient": [
        1.0,
        0.0,
        0.0,
        0.0,
        0.99904822159351,
        -0.0436193870985
      ],
      "ImagePositionPatient": [
        -760.44033563137,
        -1041.0617469369,
        5.1888226623872
      ],
      "ImageType": [
        "ORIGINAL",
        "PRIMARY",
        "M",
        "ND",
        "ECHO_00",
        "COMBINED",
        "COMBINED_ECHOES",
        "MOSAIC"
      ],
      "ImagedNucleus": "1H",
      "ImagingFrequency": 297.205212,
      "InPlanePhaseEncodingDirection": "COL",
      "MRAcquisitionType": "3D",
      "MagneticFieldStrength": 6.98,
      "Manufacturer": "SIEMENS",
      "ManufacturerModelName": "Investigational_Device_7T",
      "Modality": "MR",
      "NumberOfAverages": 1.0,
      "NumberOfPhaseEncodingSteps": 171,
      "PercentPhaseFieldOfView": 132.94117664023,
      "PercentSampling": 100.0,
      "PerformedProcedureStepStartTime": "152803.703000",
      "PhotometricInterpretation": "MONOCHROME2",
      "PixelBandwidth": 980.0,
      "PixelRepresentation": 0,
      "PixelSpacing": [
        0.81588232517242,
        0.81588232517242
      ],
      "ProtocolName": "VASO160_G6C2_Gfast",
      "RepetitionTime": 6005.6,
      "Rows": 2486,
      "SAR": 0.0,
      "SamplesPerPixel": 1,
      "ScanOptions": [
        "PFP",
        "SAT1",
        "FS"
      ],
      "ScanningSequence": "EP",
      "SequenceName": "BPs 3D-EPI with",
      "SequenceVariant": [
        "SK",
        "SP",
        "OSP"
      ],
      "SeriesDescription": "CombinedEchoes simple average",
      "SeriesNumber": 19,
      "SeriesTime": "202424.109000",
      "SliceLocation": -40.226591280106,
      "SliceThickness": 0.87000000476837,
      "SmallestImagePixelValue": 0,
      "SoftwareVersions": "syngo MR B17",
      "SpacingBetweenSlices": 0.87000002179827,
      "SpecificCharacterSet": "ISO_IR 100",
      "StudyID": "1",
      "StudyTime": "152803.656000",
      "TransmitCoilName": "32Ch_Head_7T",
      "VariableFlipAngleFlag": "N",
      "WindowCenterWidthExplanation": "Algo1",
      "dBdt": 0.0
    },
