{
  "AcquisitionMatrixPE": 226,
  "AcquisitionNumber": 1,
  "AcquisitionTime": "16:02:49.105000",
  "BandwidthPerPixelPhaseEncode": 33.6,
  "BaseResolution": 170,
  "CoilString": "C:A32",
  "ConversionSoftware": "dcm2niix",
  "ConversionSoftwareVersion": "v1.0.20190410  GCC6.3.0",
  "DerivedVendorReportedEchoSpacing": 0.00118521,
  "DeviceSerialNumber": "18930",
  "DwellTime": 3e-06,
  "EffectiveEchoSpacing": 0.00013169,
  "FlipAngle": 47,
  "ImageComments": "C3x3-1_Ref108x24s_CombinedEchoes_simple_average",
  "ImageOrientationPatientDICOM": [1, 0, 0, 0, 0.999048, -0.0436194],
  "ImageType": [
    "ORIGINAL",
    "PRIMARY",
    "M",
    "ND",
    "ECHO",
 "00",
    "COMBINED",
    "COMBINED",
    "ECHOES",
    "MOSAIC"
],
  "ImagingFrequency": 297.205,
  "InPlanePhaseEncodingDirectionDICOM": "COL",
  "InstitutionAddress": "Oxfordlaan_55_Maastricht_Limburg_NL_6229_EV",
  "InstitutionName": "Scannexus",
  "InstitutionalDepartmentName": "MRI_7T",
  "MRAcquisitionType": "3D",
  "MagneticFieldStrength": 6.98,
  "Manufacturer": "Siemens",
  "ManufacturersModelName": "Investigational_Device_7T",
  "Modality": "MR",
  "MultibandAccelerationFactor": 112,
  "PartialFourier": 0.75,
  "PatientPosition": "HFS",
  "PercentPhaseFOV": 132.941,
  "PhaseEncodingSteps": 174,
  "PhaseResolution": 1,
  "PixelBandwidth": 980,
  "ProcedureStepDescription": "RenzoHuber_Anna_trt",
  "ProtocolName": "VASO160_G9C3_Gfast",
  "PulseSequenceDetails": "%CustomerSeq%_VASO_160",
  "ReceiveCoilName": "32Ch_Head_7T",
  "ReconMatrixPE": 226,
  "RefLinesPE": 108,
  "RepetitionTime": 4.8094,
  "SAR": 0.163901,
  "ScanOptions": "PFP_SAT1_FS",
  "ScanningSequence": "EP",
  "SequenceName": "BPs_3D-EPI_with",
  "SequenceVariant": "SK_SP_OSP",
  "SeriesDescription": "CombinedEchoes_simple_average",
  "SeriesNumber": 7,
  "ShimSetting": [189, -75, 473, 645, -55, 1094, 514, 121],
  "SliceThickness": 0.87,
  "SoftwareVersions": "syngo_MR_B17",
  "SpacingBetweenSlices": 0.87,
  "StationName": "MRC18930",
  "TaskName": "tapping",
  "TotalReadoutTime": 0.0296302,
  "TxRefAmp": 225,
  "dcmmeta_affine": [
    [-0.8158823251724243, 0.0, 0.0, 66.94036102294922],
    [0.0, 0.8151057958602905, -0.03794886916875839, -63.406593322753906],
    [0.0, 0.03558828681707382, 0.8691719770431519, -44.479087829589844],
    [0.0, 0.0, 0.0, 1.0]
],
  "dcmmeta_reorient_transform": [
    [0.0, -1.0, 0.0, 225.0],
    [1.0, 0.0, 0.0, 0.0],
    [0.0, 0.0, 1.0, 0.0],
    [0.0, 0.0, 0.0, 1.0]
],
  "dcmmeta_shape": [170, 226, 112, 183],
  "dcmmeta_slice_dim": 2,
  "dcmmeta_version": 0.6,
  "global": {
    "const": {
      "AcquisitionMatrix": [170, 0, 0, 226],
      "AngioFlag": "N",
      "BitsAllocated": 16,
      "BitsStored": 12,
      "Columns": 1870,
      "EchoNumbers": 1,
      "EchoTime": 0.0,
      "EchoTrainLength": 1,
      "FlipAngle": 47.0,
      "HighBit": 11,
      "ImageOrientationPatient": [1.0, 0.0, 0.0, 0.0, 0.99904822159351, -0.0436193870985],
      "ImagePositionPatient": [-760.44033563137, -1041.0617469369, 3.743039524112],
      "ImageType": [
        "ORIGINAL",
        "PRIMARY",
        "M",
        "ND",
        "ECHO_00",
        "COMBINED",
        "COMBINED_ECHOES",
        "MOSAIC"
],
      "ImagedNucleus": "1H",
      "ImagingFrequency": 297.205188,
      "InPlanePhaseEncodingDirection": "COL",
      "MRAcquisitionType": "3D",
      "MagneticFieldStrength": 6.98,
      "Manufacturer": "SIEMENS",
      "ManufacturerModelName": "Investigational_Device_7T",
      "Modality": "MR",
      "NumberOfAverages": 1.0,
      "NumberOfPhaseEncodingSteps": 174,
      "PercentPhaseFieldOfView": 132.94117664023,
      "PercentSampling": 100.0,
      "PerformedProcedureStepStartTime": "152803.703000",
      "PhotometricInterpretation": "MONOCHROME2",
      "PixelBandwidth": 980.0,
      "PixelRepresentation": 0,
      "PixelSpacing": [0.81588232517242, 0.81588232517242],
      "ProtocolName": "VASO160_G9C3_Gfast",
      "RepetitionTime": 4809.4,
      "Rows": 2486,
      "SAR": 0.16390073913897,
      "SamplesPerPixel": 1,
      "ScanOptions": [
        "PFP",
        "SAT1",
        "FS"
],
      "ScanningSequence": "EP",
      "SequenceName": "BPs 3D-EPI with",
      "SequenceVariant": [
        "SK",
        "SP",
        "OSP"
],
      "SeriesDescription": "CombinedEchoes simple average",
      "SeriesNumber": 7,
      "SeriesTime": "164211.828000",
      "SliceLocation": -41.67099835321,
      "SliceThickness": 0.87000000476837,
      "SmallestImagePixelValue": 0,
      "SoftwareVersions": "syngo MR B17",
      "SpacingBetweenSlices": 0.87000002179827,
      "SpecificCharacterSet": "ISO_IR 100",
      "StudyID": "1",
      "StudyTime": "152803.656000",
      "TransmitCoilName": "32Ch_Head_7T",
      "VariableFlipAngleFlag": "N",
      "WindowCenterWidthExplanation": "Algo1",
      "dBdt": 0.0},
