{
  "AcquisitionMatrixPE": 226,
  "AcquisitionNumber": 1,
  "AcquisitionTime": "17:08:45.142500",
  "BandwidthPerPixelPhaseEncode": 22.786,
  "BaseResolution": 170,
  "CoilString": "C:A32",
  "ConversionSoftware": "dcm2niix",
  "ConversionSoftwareVersion": "v1.0.20190410  GCC6.3.0",
  "DerivedVendorReportedEchoSpacing": 0.00116513,
  "DeviceSerialNumber": "18930",
  "DwellTime": 3e-06,
  "EffectiveEchoSpacing": 0.000194188,
  "FlipAngle": 40,
  "ImageComments": "C3x2-1_Ref90x24s_CombinedEchoes_simple_average",
  "ImageOrientationPatientDICOM": [1, 0, 0, 0, 1, 0],
  "ImageType": [
    "ORIGINAL",
    "PRIMARY",
    "M",
    "ND",
    "ECHO",
 "00",
    "COMBINED",
    "COMBINED",
    "ECHOES",
    "MOSAIC"
],
  "ImagingFrequency": 297.205,
  "InPlanePhaseEncodingDirectionDICOM": "COL",
  "InstitutionAddress": "Oxfordlaan_55_Maastricht_Limburg_NL_6229_EV",
  "InstitutionName": "Scannexus",
  "InstitutionalDepartmentName": "MRI_7T",
  "MRAcquisitionType": "3D",
  "MagneticFieldStrength": 6.98,
  "Manufacturer": "Siemens",
  "ManufacturersModelName": "Investigational_Device_7T",
  "Modality": "MR",
  "MultibandAccelerationFactor": 112,
  "PartialFourier": 0.75,
  "PatientPosition": "HFS",
  "PercentPhaseFOV": 132.941,
  "PhaseEncodingSteps": 171,
  "PhaseResolution": 1,
  "PixelBandwidth": 980,
  "ProcedureStepDescription": "RenzoHuber_KENSHU",
  "ProtocolName": "VASO160_G61_nofatsat_movie3",
  "PulseSequenceDetails": "%CustomerSeq%_VASO_160",
  "ReceiveCoilName": "32Ch_Head_7T",
  "ReconMatrixPE": 226,
  "RefLinesPE": 90,
  "RepetitionTime": 5.1689,
  "SAR": 0.0624779,
  "ScanOptions": "PFP_SAT1_FS",
  "ScanningSequence": "EP",
  "SequenceName": "BPs_3D-EPI_with",
  "SequenceVariant": "SK_SP_OSP",
  "SeriesDescription": "CombinedEchoes_simple_average",
  "SeriesNumber": 10,
  "ShimSetting": [214, -207, 453, 686, 72, 95, 821, 150],
  "SliceThickness": 0.87,
  "SoftwareVersions": "syngo_MR_B17",
  "SpacingBetweenSlices": 0.87,
  "StationName": "MRC18930",
  "TaskName": "movie",
  "TotalReadoutTime": 0.0436924,
  "TxRefAmp": 225,
  "dcmmeta_affine": [
    [-0.8158823251724243, 0.0, 0.0, 71.75963592529297],
    [0.0, 0.8158823251724243, 0.0, -63.67367935180664],
    [0.0, 0.0, 0.8700000047683716, -33.843048095703125],
    [0.0, 0.0, 0.0, 1.0]
],
  "dcmmeta_reorient_transform": [
    [0.0, -1.0, 0.0, 225.0],
    [1.0, 0.0, 0.0, 0.0],
    [0.0, 0.0, 1.0, 0.0],
    [0.0, 0.0, 0.0, 1.0]
],
  "dcmmeta_shape": [170, 226, 112, 183],
  "dcmmeta_slice_dim": 2,
  "dcmmeta_version": 0.6,
  "global": {
    "const": {
      "AcquisitionMatrix": [170, 0, 0, 226],
      "AngioFlag": "N",
      "BitsAllocated": 16,
      "BitsStored": 12,
      "Columns": 1870,
      "EchoNumbers": 1,
      "EchoTime": 0.0,
      "EchoTrainLength": 1,
      "FlipAngle": 40.0,
      "HighBit": 11,
      "ImageOrientationPatient": [1.0, 0.0, 0.0, 0.0, 1.0, 0.0],
      "ImagePositionPatient": [-765.25961244106, -1041.8468693495, -33.843049458095],
      "ImageType": [
        "ORIGINAL",
        "PRIMARY",
        "M",
        "ND",
        "ECHO_00",
        "COMBINED",
        "COMBINED_ECHOES",
        "MOSAIC"
],
      "ImagedNucleus": "1H",
      "ImagingFrequency": 297.20515,
      "InPlanePhaseEncodingDirection": "COL",
      "MRAcquisitionType": "3D",
      "MagneticFieldStrength": 6.98,
      "Manufacturer": "SIEMENS",
      "ManufacturerModelName": "Investigational_Device_7T",
      "Modality": "MR",
      "NumberOfAverages": 1.0,
      "NumberOfPhaseEncodingSteps": 171,
      "PercentPhaseFieldOfView": 132.94117664023,
      "PercentSampling": 100.0,
      "PerformedProcedureStepStartTime": "160749.406000",
      "PhotometricInterpretation": "MONOCHROME2",
      "PixelBandwidth": 980.0,
      "PixelRepresentation": 0,
      "PixelSpacing": [0.81588232517242, 0.81588232517242],
      "ProtocolName": "VASO160_G61_nofatsat_movie3",
      "RepetitionTime": 5168.9,
      "Rows": 2486,
      "SAR": 0.06247791957287,
      "SamplesPerPixel": 1,
      "ScanOptions": [
        "PFP",
        "SAT1",
        "FS"
],
      "ScanningSequence": "EP",
      "SequenceName": "BPs 3D-EPI with",
      "SequenceVariant": [
        "SK",
        "SP",
        "OSP"
],
      "SeriesDescription": "CombinedEchoes simple average",
      "SeriesNumber": 10,
      "SeriesTime": "192105.578000",
      "SliceLocation": -33.843049458095,
      "SliceThickness": 0.87000000476837,
      "SmallestImagePixelValue": 0,
      "SoftwareVersions": "syngo MR B17",
      "SpacingBetweenSlices": 0.87000002179827,
      "SpecificCharacterSet": "ISO_IR 100",
      "StudyID": "1",
      "StudyTime": "160749.359000",
      "TransmitCoilName": "32Ch_Head_7T",
      "VariableFlipAngleFlag": "N",
      "WindowCenterWidthExplanation": "Algo1",
      "dBdt": 0.0},
