{
	"Modality": "MR",
	"MagneticFieldStrength": 6.98,
	"ImagingFrequency": 297.205,
	"Manufacturer": "Siemens",
	"ManufacturersModelName": "Investigational_Device_7T",
	"InstitutionName": "Scannexus",
	"InstitutionalDepartmentName": "MRI_7T",
	"InstitutionAddress": "Oxfordlaan_55_Maastricht_Limburg_NL_6229_EV",
	"DeviceSerialNumber": "18930",
	"StationName": "MRC18930",
	"PatientPosition": "HFS",
	"ProcedureStepDescription": "RenzoHuber_Ann_trt",
	"SoftwareVersions": "syngo_MR_B17",
	"MRAcquisitionType": "3D",
	"SeriesDescription": "mp2rage_iso0.65_iPAT2_angulated_INV1",
	"ProtocolName": "mp2rage_iso0.65_iPAT2_angulated",
	"ScanningSequence": "GR_IR",
	"SequenceVariant": "SP_MP",
	"ScanOptions": "IR_PFP_WE",
	"SequenceName": "tfl3d1_ns",
	"ImageType": ["ORIGINAL", "PRIMARY", "M", "ND"],
	"SeriesNumber": 4,
	"AcquisitionTime": "15:40:44.210000",
	"AcquisitionNumber": 1,
	"SliceThickness": 0.65,
	"SAR": 0.074504,
	"EchoTime": 0.00266,
	"RepetitionTime": 4.5,
	"InversionTime": 0.9,
	"FlipAngle": 5,
	"PartialFourier": 0.75,
	"BaseResolution": 320,
	"ShimSetting": [
		136,
		-341,
		427,
		667,
		237,
		-523,
		387,
		156	],
	"TxRefAmp": 196.476,
	"PhaseResolution": 1,
	"ReceiveCoilName": "32Ch_Head_7T",
	"CoilString": "C:A32",
	"PulseSequenceDetails": "%CustomerSeq%_mp2rage_wip602B",
	"RefLinesPE": 24,
	"PercentPhaseFOV": 100,
	"PhaseEncodingSteps": 239,
	"AcquisitionMatrixPE": 320,
	"ReconMatrixPE": 320,
	"ParallelReductionFactorInPlane": 2,
	"PixelBandwidth": 220,
	"DwellTime": 7.1e-06,
	"ImageOrientationPatientDICOM": [
		0,
		1,
		0,
		0,
		0,
		-1	],
	"InPlanePhaseEncodingDirectionDICOM": "ROW",
	"ConversionSoftware": "dcm2niix",
	"ConversionSoftwareVersion": "v1.0.20190902"
}
